{
  "aor": 0.0006309880239520958,
  "aqi": 0.007972315359281437,
  "bids_meta": {
    "AcquisitionNumber": 1,
    "AcquisitionTime": "14:04:56.870000",
    "BrainVoyagerInfo": {
      "AcquisitionTime": "140456.870000",
      "CalculatedDicomSlice1CenterX": -1.11236572265625,
      "CalculatedDicomSlice1CenterY": -49.00783157348633,
      "CalculatedDicomSlice1CenterZ": -96.77153015136719,
      "CalculatedDicomSliceNCenterX": -1.11236572265625,
      "CalculatedDicomSliceNCenterY": 21.549592971801758,
      "CalculatedDicomSliceNCenterZ": 9.425928115844727,
      "CoordinateSystem": 1,
      "DataStorageFormat": 2,
      "DataType": 2,
      "DicomColDirX": 0,
      "DicomColDirY": 0.8329212665557861,
      "DicomColDirZ": -0.5533915758132935,
      "DicomFoVCols": 210,
      "DicomFoVRows": 210,
      "DicomGapThickness": 0,
      "DicomNCols": 84,
      "DicomNRows": 84,
      "DicomPosInfoPresent": 1,
      "DicomRowDirX": 1,
      "DicomRowDirY": 0,
      "DicomRowDirZ": 0,
      "DicomSliceThickness": 2.5,
      "DocumentType": "FMR",
      "MultiBandSequence": true,
      "NrOfPastSpatialTransformations": 0,
      "NrOfPreprocessingSteps": 0,
      "NrOfSkippedVolumes": 0,
      "Protocol": {
        "Conditions": [
          {
            "ColorB": 255,
            "ColorG": 0,
            "ColorR": 255,
            "IntervalsFrom": [
              49,
              113,
              177,
              241,
              305
            ],
            "IntervalsTo": [
              64,
              128,
              192,
              256,
              320
            ],
            "Name": "Face",
            "NrOfIntervals": 5
          },
          {
            "ColorB": 0,
            "ColorG": 168,
            "ColorR": 0,
            "IntervalsFrom": [
              17,
              81,
              145,
              209,
              273
            ],
            "IntervalsTo": [
              32,
              96,
              160,
              224,
              288
            ],
            "Name": "Hand",
            "NrOfIntervals": 5
          },
          {
            "ColorB": 0,
            "ColorG": 255,
            "ColorR": 255,
            "IntervalsFrom": [
              41,
              89,
              137,
              153,
              169,
              185,
              265,
              281,
              297,
              313
            ],
            "IntervalsTo": [
              41,
              89,
              137,
              153,
              169,
              185,
              265,
              281,
              297,
              313
            ],
            "Name": "ChangeHandPosition",
            "NrOfIntervals": 10
          },
          {
            "ColorB": 255,
            "ColorG": 0,
            "ColorR": 0,
            "IntervalsFrom": [
              41,
              137,
              169,
              265,
              297
            ],
            "IntervalsTo": [
              89,
              153,
              185,
              281,
              313
            ],
            "Name": "TouchingShoulder",
            "NrOfIntervals": 5
          }
        ],
        "FileName": "sub-22_ses-01_3HandA_run-1.prt",
        "Name": "newbi4fmri_VAR4_Motion",
        "NrOfConditions": 4,
        "TimeCourseColors": {
          "RefTCPenThick": 3,
          "RefTimeCourseB": 80,
          "RefTimeCourseG": 0,
          "RefTimeCourseR": 0,
          "TCBackColorB": 0,
          "TCBackColorG": 0,
          "TCBackColorR": 0,
          "TCPenThick": 3,
          "TCTextColorB": 255,
          "TCTextColorG": 255,
          "TCTextColorR": 255,
          "TimeCourseB": 255,
          "TimeCourseG": 255,
          "TimeCourseR": 255
        },
        "TimeResolution": "Volumes"
      },
      "SliceAcquisitionOrder": 5,
      "SliceAcquisitionOrderVerified": true,
      "SliceGap": 0,
      "SliceThickness": 2.5,
      "SliceTimingTable": [
        0,
        0.5275,
        0.0775,
        0.605,
        0.1525,
        0.68,
        0.2275,
        0.755,
        0.3025,
        0.83,
        0.3775,
        0.905,
        0.4525,
        0,
        0.5275,
        0.0775,
        0.605,
        0.1525,
        0.68,
        0.2275,
        0.755,
        0.3025,
        0.83,
        0.3775,
        0.905,
        0.4525,
        0,
        0.5275,
        0.0775,
        0.605,
        0.1525,
        0.68,
        0.2275,
        0.755,
        0.3025,
        0.83,
        0.3775,
        0.905,
        0.4525,
        0,
        0.5275,
        0.0775,
        0.605,
        0.1525,
        0.68,
        0.2275,
        0.755,
        0.3025,
        0.83,
        0.3775,
        0.905,
        0.4525
      ],
      "SliceTimingTableSize": 52,
      "TE": 0.028,
      "TR": 1,
      "TimeResolutionVerified": true,
      "Version": 1,
      "VoxelResolutionVerified": true
    },
    "ConversionSoftware": "BrainVoyager",
    "ConversionSoftwareVersion": "21.4.5.4030",
    "ImageNumber": 1,
    "ImageOrientationPatientDICOM": [
      1,
      0,
      0,
      0,
      0.83292123773841,
      -0.5533915537161
    ],
    "ImagePositionPatientDICOM": [
      -839.86235119402,
      -747.62057172541,
      367.38565591498
    ],
    "ImageType": "ORIGINAL PRIMARY M MB ND NORM MOSAIC",
    "MagneticFieldStrength": 3,
    "Manufacturer": "SIEMENS",
    "ManufacturersModelName": "Prisma_fit",
    "Modality": "MR",
    "NrOfTemporalPositions": 0,
    "PatientPosition": "HFS",
    "RepetitionTime": 1,
    "SeriesDescription": "ep_mb4_2.5iso_armmove",
    "SeriesNumber": 11,
    "SiemensMosaicSliceAcqOrder": 3,
    "SiemensMosaicTE": 0.028,
    "SiemensMosaicTR": 1,
    "SliceThickness": 2.5,
    "SliceTiming": [
      0,
      0.5275,
      0.0775,
      0.605,
      0.1525,
      0.68,
      0.2275,
      0.755,
      0.3025,
      0.83,
      0.3775,
      0.905,
      0.4525,
      0,
      0.5275,
      0.0775,
      0.605,
      0.1525,
      0.68,
      0.2275,
      0.755,
      0.3025,
      0.83,
      0.3775,
      0.905,
      0.4525,
      0,
      0.5275,
      0.0775,
      0.605,
      0.1525,
      0.68,
      0.2275,
      0.755,
      0.3025,
      0.83,
      0.3775,
      0.905,
      0.4525,
      0,
      0.5275,
      0.0775,
      0.605,
      0.1525,
      0.68,
      0.2275,
      0.755,
      0.3025,
      0.83,
      0.3775,
      0.905,
      0.4525
    ],
    "StudyDescription": "newbi4fmri_VAR4_Motion",
    "TaskName": "newbi4fmri_VAR4_Motion",
    "dataset": "ds003441",
    "modality": "bold",
    "run_id": 1,
    "session_id": "01",
    "subject_id": "22",
    "task_id": "3HandA"
  },
  "dummy_trs": 2,
  "dvars_nstd": 30.051493727747744,
  "dvars_std": 1.1862471595495496,
  "dvars_vstd": 1.0019414386186178,
  "efc": 0.4940452606970459,
  "fber": 2934.355224609375,
  "fd_mean": 0.17271540431534846,
  "fd_num": 71,
  "fd_perc": 21.25748502994012,
  "fwhm_avg": 2.062758666666667,
  "fwhm_x": 1.964844,
  "fwhm_y": 2.173332,
  "fwhm_z": 2.0501,
  "gcor": 0.0168375,
  "gsr_x": -0.00622810423374176,
  "gsr_y": 0.017672725021839142,
  "provenance": {
    "md5sum": "033bffffcdd9d21a6709c65419359844",
    "settings": {
      "fd_thres": 0.2,
      "testing": false
    },
    "software": "mriqc",
    "version": "22.0.6",
    "webapi_port": null,
    "webapi_url": "https://mriqc.nimh.nih.gov/api/v1"
  },
  "size_t": 334,
  "size_x": 84,
  "size_y": 84,
  "size_z": 52,
  "snr": 5.631662678478377,
  "spacing_tr": 1.0,
  "spacing_x": 2.5,
  "spacing_y": 2.5,
  "spacing_z": 2.5,
  "summary_bg_k": 37.848953254588544,
  "summary_bg_mad": 32.500246955486986,
  "summary_bg_mean": 129.90579223632812,
  "summary_bg_median": 54.577247619628906,
  "summary_bg_n": 243502.0,
  "summary_bg_p05": 25.68816547393799,
  "summary_bg_p95": 453.92570648193333,
  "summary_bg_stdv": 243.73239135742188,
  "summary_fg_k": 3.969002896650247,
  "summary_fg_mad": 475.06650789166645,
  "summary_fg_mean": 3063.49755859375,
  "summary_fg_median": 2994.058837890625,
  "summary_fg_n": 64954.0,
  "summary_fg_p05": 2368.2288452148437,
  "summary_fg_p95": 3947.4613647460938,
  "summary_fg_stdv": 531.643310546875,
  "tsnr": 52.88927459716797
}