{
  "aor": 0.00024912912912912916,
  "aqi": 0.006271451231231232,
  "bids_meta": {
    "AcquisitionNumber": 1,
    "AcquisitionTime": "14:17:26.952500",
    "BrainVoyagerInfo": {
      "AcquisitionTime": "141726.952500",
      "CalculatedDicomSlice1CenterX": -1.11236572265625,
      "CalculatedDicomSlice1CenterY": -49.00783157348633,
      "CalculatedDicomSlice1CenterZ": -96.77153015136719,
      "CalculatedDicomSliceNCenterX": -1.11236572265625,
      "CalculatedDicomSliceNCenterY": 21.549592971801758,
      "CalculatedDicomSliceNCenterZ": 9.425928115844727,
      "CoordinateSystem": 1,
      "DataStorageFormat": 2,
      "DataType": 2,
      "DicomColDirX": 0,
      "DicomColDirY": 0.8329212665557861,
      "DicomColDirZ": -0.5533915758132935,
      "DicomFoVCols": 210,
      "DicomFoVRows": 210,
      "DicomGapThickness": 0,
      "DicomNCols": 84,
      "DicomNRows": 84,
      "DicomPosInfoPresent": 1,
      "DicomRowDirX": 1,
      "DicomRowDirY": 0,
      "DicomRowDirZ": 0,
      "DicomSliceThickness": 2.5,
      "DocumentType": "FMR",
      "MultiBandSequence": true,
      "NrOfPastSpatialTransformations": 0,
      "NrOfPreprocessingSteps": 0,
      "NrOfSkippedVolumes": 0,
      "Protocol": {
        "Conditions": [
          {
            "ColorB": 255,
            "ColorG": 0,
            "ColorR": 255,
            "IntervalsFrom": [
              49,
              113,
              177,
              241,
              305
            ],
            "IntervalsTo": [
              64,
              128,
              192,
              256,
              320
            ],
            "Name": "Face",
            "NrOfIntervals": 5
          },
          {
            "ColorB": 0,
            "ColorG": 168,
            "ColorR": 0,
            "IntervalsFrom": [
              17,
              81,
              145,
              209,
              273
            ],
            "IntervalsTo": [
              32,
              96,
              160,
              224,
              288
            ],
            "Name": "Hand",
            "NrOfIntervals": 5
          },
          {
            "ColorB": 0,
            "ColorG": 0,
            "ColorR": 255,
            "IntervalsFrom": [
              1,
              58,
              90,
              122,
              154,
              225,
              321
            ],
            "IntervalsTo": [
              56,
              88,
              120,
              152,
              176,
              272,
              336
            ],
            "Name": "EyesCenter",
            "NrOfIntervals": 7
          },
          {
            "ColorB": 0,
            "ColorG": 255,
            "ColorR": 0,
            "IntervalsFrom": [
              57,
              89,
              177,
              273,
              281,
              289,
              297,
              305,
              313
            ],
            "IntervalsTo": [
              57,
              89,
              224,
              276,
              284,
              292,
              300,
              308,
              316
            ],
            "Name": "EyesLeft",
            "NrOfIntervals": 9
          },
          {
            "ColorB": 255,
            "ColorG": 0,
            "ColorR": 0,
            "IntervalsFrom": [
              121,
              153,
              277,
              285,
              293,
              301,
              309,
              317
            ],
            "IntervalsTo": [
              121,
              153,
              280,
              288,
              296,
              304,
              312,
              320
            ],
            "Name": "EyesRight",
            "NrOfIntervals": 8
          },
          {
            "ColorB": 0,
            "ColorG": 255,
            "ColorR": 255,
            "IntervalsFrom": [
              57,
              58,
              89,
              90,
              121,
              122,
              153,
              154,
              177,
              225,
              273,
              277,
              281,
              285,
              289,
              293,
              297,
              301,
              305,
              309,
              313,
              317,
              321
            ],
            "IntervalsTo": [
              57,
              58,
              89,
              90,
              121,
              122,
              153,
              154,
              177,
              225,
              273,
              277,
              281,
              285,
              289,
              293,
              297,
              301,
              305,
              309,
              313,
              317,
              321
            ],
            "Name": "EyeMovement",
            "NrOfIntervals": 23
          }
        ],
        "FileName": "sub-22_ses-01_5Eyes_run-1.prt",
        "Name": "newbi4fmri_VAR4_Motion",
        "NrOfConditions": 6,
        "TimeCourseColors": {
          "RefTCPenThick": 3,
          "RefTimeCourseB": 80,
          "RefTimeCourseG": 0,
          "RefTimeCourseR": 0,
          "TCBackColorB": 0,
          "TCBackColorG": 0,
          "TCBackColorR": 0,
          "TCPenThick": 3,
          "TCTextColorB": 255,
          "TCTextColorG": 255,
          "TCTextColorR": 255,
          "TimeCourseB": 255,
          "TimeCourseG": 255,
          "TimeCourseR": 255
        },
        "TimeResolution": "Volumes"
      },
      "SliceAcquisitionOrder": 5,
      "SliceAcquisitionOrderVerified": true,
      "SliceGap": 0,
      "SliceThickness": 2.5,
      "SliceTimingTable": [
        0,
        0.5275,
        0.075,
        0.6025,
        0.1525,
        0.68,
        0.2275,
        0.755,
        0.3025,
        0.83,
        0.3775,
        0.905,
        0.4525,
        0,
        0.5275,
        0.075,
        0.6025,
        0.1525,
        0.68,
        0.2275,
        0.755,
        0.3025,
        0.83,
        0.3775,
        0.905,
        0.4525,
        0,
        0.5275,
        0.075,
        0.6025,
        0.1525,
        0.68,
        0.2275,
        0.755,
        0.3025,
        0.83,
        0.3775,
        0.905,
        0.4525,
        0,
        0.5275,
        0.075,
        0.6025,
        0.1525,
        0.68,
        0.2275,
        0.755,
        0.3025,
        0.83,
        0.3775,
        0.905,
        0.4525
      ],
      "SliceTimingTableSize": 52,
      "TE": 0.028,
      "TR": 1,
      "TimeResolutionVerified": true,
      "Version": 1,
      "VoxelResolutionVerified": true
    },
    "ConversionSoftware": "BrainVoyager",
    "ConversionSoftwareVersion": "21.4.5.4030",
    "ImageNumber": 1,
    "ImageOrientationPatientDICOM": [
      1,
      0,
      0,
      0,
      0.83292123773841,
      -0.5533915537161
    ],
    "ImagePositionPatientDICOM": [
      -839.86235119402,
      -747.62057172541,
      367.38565591498
    ],
    "ImageType": "ORIGINAL PRIMARY M MB ND NORM MOSAIC",
    "MagneticFieldStrength": 3,
    "Manufacturer": "SIEMENS",
    "ManufacturersModelName": "Prisma_fit",
    "Modality": "MR",
    "NrOfTemporalPositions": 0,
    "PatientPosition": "HFS",
    "RepetitionTime": 1,
    "SeriesDescription": "ep_mb4_2.5iso_eyemovement",
    "SeriesNumber": 15,
    "SiemensMosaicSliceAcqOrder": 3,
    "SiemensMosaicTE": 0.028,
    "SiemensMosaicTR": 1,
    "SliceThickness": 2.5,
    "SliceTiming": [
      0,
      0.5275,
      0.075,
      0.6025,
      0.1525,
      0.68,
      0.2275,
      0.755,
      0.3025,
      0.83,
      0.3775,
      0.905,
      0.4525,
      0,
      0.5275,
      0.075,
      0.6025,
      0.1525,
      0.68,
      0.2275,
      0.755,
      0.3025,
      0.83,
      0.3775,
      0.905,
      0.4525,
      0,
      0.5275,
      0.075,
      0.6025,
      0.1525,
      0.68,
      0.2275,
      0.755,
      0.3025,
      0.83,
      0.3775,
      0.905,
      0.4525,
      0,
      0.5275,
      0.075,
      0.6025,
      0.1525,
      0.68,
      0.2275,
      0.755,
      0.3025,
      0.83,
      0.3775,
      0.905,
      0.4525
    ],
    "StudyDescription": "newbi4fmri_VAR4_Motion",
    "TaskName": "newbi4fmri_VAR4_Motion",
    "dataset": "ds003441",
    "modality": "bold",
    "run_id": 1,
    "session_id": "01",
    "subject_id": "22",
    "task_id": "5Eyes"
  },
  "dummy_trs": 3,
  "dvars_nstd": 29.05076507186745,
  "dvars_std": 1.1896310372590355,
  "dvars_vstd": 0.9986203532530119,
  "efc": 0.49441682660932434,
  "fber": 2934.061279296875,
  "fd_mean": 0.10205627576415482,
  "fd_num": 6,
  "fd_perc": 1.8018018018018018,
  "fwhm_avg": 2.0458399999999997,
  "fwhm_x": 1.9379079999999997,
  "fwhm_y": 2.1527760000000002,
  "fwhm_z": 2.046836,
  "gcor": 0.00661366,
  "gsr_x": -0.007129953242838383,
  "gsr_y": 0.016145512461662292,
  "provenance": {
    "md5sum": "0ddeb8bc35ee925ae85aa0774508ff4d",
    "settings": {
      "fd_thres": 0.2,
      "testing": false
    },
    "software": "mriqc",
    "version": "22.0.6",
    "webapi_port": null,
    "webapi_url": "https://mriqc.nimh.nih.gov/api/v1"
  },
  "size_t": 333,
  "size_x": 84,
  "size_y": 84,
  "size_z": 52,
  "snr": 5.6528404614526195,
  "spacing_tr": 1.0,
  "spacing_x": 2.5,
  "spacing_y": 2.5,
  "spacing_z": 2.5,
  "summary_bg_k": 34.899502859861535,
  "summary_bg_mad": 32.52439953107189,
  "summary_bg_mean": 129.81430053710938,
  "summary_bg_median": 54.490177154541016,
  "summary_bg_n": 243492.0,
  "summary_bg_p05": 25.746809482574463,
  "summary_bg_p95": 458.63557891845676,
  "summary_bg_stdv": 238.42074584960938,
  "summary_fg_k": 4.1338461012802385,
  "summary_fg_mad": 471.654821560972,
  "summary_fg_mean": 3062.33837890625,
  "summary_fg_median": 2992.652099609375,
  "summary_fg_n": 64944.0,
  "summary_fg_p05": 2373.9415893554688,
  "summary_fg_p95": 3949.852746582031,
  "summary_fg_stdv": 529.4027099609375,
  "tsnr": 59.676883697509766
}