{
  "aor": 0.0009145373134328359,
  "aqi": 0.008446133582089552,
  "bids_meta": {
    "AcquisitionNumber": 1,
    "AcquisitionTime": "14:10:56.102500",
    "BrainVoyagerInfo": {
      "AcquisitionTime": "141056.102500",
      "CalculatedDicomSlice1CenterX": -1.11236572265625,
      "CalculatedDicomSlice1CenterY": -49.00783157348633,
      "CalculatedDicomSlice1CenterZ": -96.77153015136719,
      "CalculatedDicomSliceNCenterX": -1.11236572265625,
      "CalculatedDicomSliceNCenterY": 21.549592971801758,
      "CalculatedDicomSliceNCenterZ": 9.425928115844727,
      "CoordinateSystem": 1,
      "DataStorageFormat": 2,
      "DataType": 2,
      "DicomColDirX": 0,
      "DicomColDirY": 0.8329212665557861,
      "DicomColDirZ": -0.5533915758132935,
      "DicomFoVCols": 210,
      "DicomFoVRows": 210,
      "DicomGapThickness": 0,
      "DicomNCols": 84,
      "DicomNRows": 84,
      "DicomPosInfoPresent": 1,
      "DicomRowDirX": 1,
      "DicomRowDirY": 0,
      "DicomRowDirZ": 0,
      "DicomSliceThickness": 2.5,
      "DocumentType": "FMR",
      "MultiBandSequence": true,
      "NrOfPastSpatialTransformations": 0,
      "NrOfPreprocessingSteps": 0,
      "NrOfSkippedVolumes": 0,
      "Protocol": {
        "Conditions": [
          {
            "ColorB": 255,
            "ColorG": 0,
            "ColorR": 255,
            "IntervalsFrom": [
              49,
              113,
              177,
              241,
              305
            ],
            "IntervalsTo": [
              64,
              128,
              192,
              256,
              320
            ],
            "Name": "Face",
            "NrOfIntervals": 5
          },
          {
            "ColorB": 0,
            "ColorG": 168,
            "ColorR": 0,
            "IntervalsFrom": [
              17,
              81,
              145,
              209,
              273
            ],
            "IntervalsTo": [
              32,
              96,
              160,
              224,
              288
            ],
            "Name": "Hand",
            "NrOfIntervals": 5
          },
          {
            "ColorB": 0,
            "ColorG": 255,
            "ColorR": 255,
            "IntervalsFrom": [
              49,
              64,
              113,
              128,
              177,
              192,
              241,
              256,
              305,
              320
            ],
            "IntervalsTo": [
              49,
              64,
              113,
              128,
              177,
              192,
              241,
              256,
              305,
              320
            ],
            "Name": "ChangeHandPosition",
            "NrOfIntervals": 10
          },
          {
            "ColorB": 255,
            "ColorG": 0,
            "ColorR": 0,
            "IntervalsFrom": [
              49,
              113,
              177,
              241,
              305
            ],
            "IntervalsTo": [
              64,
              128,
              192,
              256,
              320
            ],
            "Name": "TouchingShoulder",
            "NrOfIntervals": 5
          }
        ],
        "FileName": "sub-22_ses-01_4HandB_run-1.prt",
        "Name": "newbi4fmri_VAR4_Motion",
        "NrOfConditions": 4,
        "TimeCourseColors": {
          "RefTCPenThick": 3,
          "RefTimeCourseB": 80,
          "RefTimeCourseG": 0,
          "RefTimeCourseR": 0,
          "TCBackColorB": 0,
          "TCBackColorG": 0,
          "TCBackColorR": 0,
          "TCPenThick": 3,
          "TCTextColorB": 255,
          "TCTextColorG": 255,
          "TCTextColorR": 255,
          "TimeCourseB": 255,
          "TimeCourseG": 255,
          "TimeCourseR": 255
        },
        "TimeResolution": "Volumes"
      },
      "SliceAcquisitionOrder": 5,
      "SliceAcquisitionOrderVerified": true,
      "SliceGap": 0,
      "SliceThickness": 2.5,
      "SliceTimingTable": [
        0,
        0.5275,
        0.075,
        0.6025,
        0.15,
        0.6775,
        0.2275,
        0.755,
        0.3025,
        0.83,
        0.3775,
        0.905,
        0.4525,
        0,
        0.5275,
        0.075,
        0.6025,
        0.15,
        0.6775,
        0.2275,
        0.755,
        0.3025,
        0.83,
        0.3775,
        0.905,
        0.4525,
        0,
        0.5275,
        0.075,
        0.6025,
        0.15,
        0.6775,
        0.2275,
        0.755,
        0.3025,
        0.83,
        0.3775,
        0.905,
        0.4525,
        0,
        0.5275,
        0.075,
        0.6025,
        0.15,
        0.6775,
        0.2275,
        0.755,
        0.3025,
        0.83,
        0.3775,
        0.905,
        0.4525
      ],
      "SliceTimingTableSize": 52,
      "TE": 0.028,
      "TR": 1,
      "TimeResolutionVerified": true,
      "Version": 1,
      "VoxelResolutionVerified": true
    },
    "ConversionSoftware": "BrainVoyager",
    "ConversionSoftwareVersion": "21.4.5.4030",
    "ImageNumber": 1,
    "ImageOrientationPatientDICOM": [
      1,
      0,
      0,
      0,
      0.83292123773841,
      -0.5533915537161
    ],
    "ImagePositionPatientDICOM": [
      -839.86235119402,
      -747.62057172541,
      367.38565591498
    ],
    "ImageType": "ORIGINAL PRIMARY M MB ND NORM MOSAIC",
    "MagneticFieldStrength": 3,
    "Manufacturer": "SIEMENS",
    "ManufacturersModelName": "Prisma_fit",
    "Modality": "MR",
    "NrOfTemporalPositions": 0,
    "PatientPosition": "HFS",
    "RepetitionTime": 1,
    "SeriesDescription": "ep_mb4_2.5iso_armmove2",
    "SeriesNumber": 13,
    "SiemensMosaicSliceAcqOrder": 3,
    "SiemensMosaicTE": 0.028,
    "SiemensMosaicTR": 1,
    "SliceThickness": 2.5,
    "SliceTiming": [
      0,
      0.5275,
      0.075,
      0.6025,
      0.15,
      0.6775,
      0.2275,
      0.755,
      0.3025,
      0.83,
      0.3775,
      0.905,
      0.4525,
      0,
      0.5275,
      0.075,
      0.6025,
      0.15,
      0.6775,
      0.2275,
      0.755,
      0.3025,
      0.83,
      0.3775,
      0.905,
      0.4525,
      0,
      0.5275,
      0.075,
      0.6025,
      0.15,
      0.6775,
      0.2275,
      0.755,
      0.3025,
      0.83,
      0.3775,
      0.905,
      0.4525,
      0,
      0.5275,
      0.075,
      0.6025,
      0.15,
      0.6775,
      0.2275,
      0.755,
      0.3025,
      0.83,
      0.3775,
      0.905,
      0.4525
    ],
    "StudyDescription": "newbi4fmri_VAR4_Motion",
    "TaskName": "newbi4fmri_VAR4_Motion",
    "dataset": "ds003441",
    "modality": "bold",
    "run_id": 1,
    "session_id": "01",
    "subject_id": "22",
    "task_id": "4HandB"
  },
  "dummy_trs": 1,
  "dvars_nstd": 29.856727120508967,
  "dvars_std": 1.1756943467065866,
  "dvars_vstd": 1.002100471946107,
  "efc": 0.49425447885506857,
  "fber": 2926.4658203125,
  "fd_mean": 0.1676847398340375,
  "fd_num": 54,
  "fd_perc": 16.119402985074625,
  "fwhm_avg": 2.064524,
  "fwhm_x": 1.960708,
  "fwhm_y": 2.182876,
  "fwhm_z": 2.049988,
  "gcor": 0.0142673,
  "gsr_x": -0.006507744546979666,
  "gsr_y": 0.017148934304714203,
  "provenance": {
    "md5sum": "5c196c4f1310a988d147322a82815fb2",
    "settings": {
      "fd_thres": 0.2,
      "testing": false
    },
    "software": "mriqc",
    "version": "22.0.6",
    "webapi_port": null,
    "webapi_url": "https://mriqc.nimh.nih.gov/api/v1"
  },
  "size_t": 335,
  "size_x": 84,
  "size_y": 84,
  "size_z": 52,
  "snr": 5.648306790000451,
  "spacing_tr": 1.0,
  "spacing_x": 2.5,
  "spacing_y": 2.5,
  "spacing_z": 2.5,
  "summary_bg_k": 34.606210672063774,
  "summary_bg_mad": 32.44398143664695,
  "summary_bg_mean": 129.19908142089844,
  "summary_bg_median": 54.44651794433594,
  "summary_bg_n": 243541.0,
  "summary_bg_p05": 25.672576904296875,
  "summary_bg_p95": 454.8168029785156,
  "summary_bg_stdv": 237.31263732910156,
  "summary_fg_k": 4.04913811072085,
  "summary_fg_mad": 471.4475974960075,
  "summary_fg_mean": 3053.2080078125,
  "summary_fg_median": 2984.922119140625,
  "summary_fg_n": 65003.0,
  "summary_fg_p05": 2368.431884765625,
  "summary_fg_p95": 3938.388598632811,
  "summary_fg_stdv": 528.4591064453125,
  "tsnr": 52.034793853759766
}