{
  "bids_meta": {
    "AcquisitionNumber": 1,
    "AcquisitionTime": "13:40:58",
    "BrainVoyagerInfo": {
      "CalculatedDicomSlice1CenterX": -86.56888580322266,
      "CalculatedDicomSlice1CenterY": -37.9813232421875,
      "CalculatedDicomSlice1CenterZ": -78.7996826171875,
      "CalculatedDicomSliceNCenterX": 88.43111419677734,
      "CalculatedDicomSliceNCenterY": -37.9813232421875,
      "CalculatedDicomSliceNCenterZ": -78.7996826171875,
      "CoordinateSystem": 1,
      "DicomColDirX": 0,
      "DicomColDirY": 0,
      "DicomColDirZ": -1,
      "DicomFoVCols": 256,
      "DicomFoVRows": 240,
      "DicomGapThickness": 0,
      "DicomNCols": 240,
      "DicomNRows": 256,
      "DicomPosInfoPresent": 1,
      "DicomRowDirX": 0,
      "DicomRowDirY": 1,
      "DicomRowDirZ": 0,
      "DicomSliceThickness": 1,
      "DocumentType": "VMR",
      "FramingCubeDim": 256,
      "MagnetPosInfosVerified": 1,
      "NrOfPastSpatialTransformations": 0,
      "NrOfPreprocessingSteps": 0,
      "OffsetX": 0,
      "OffsetY": 0,
      "OffsetZ": 0,
      "ReferenceSpace": "Native",
      "Version": 1
    },
    "ConversionSoftware": "BrainVoyager",
    "ConversionSoftwareVersion": "21.4.5.4030",
    "ImageNumber": 176,
    "ImageOrientationPatientDICOM": [
      0,
      1,
      0,
      0,
      0,
      -1
    ],
    "ImagePositionPatientDICOM": [
      88.431112647057,
      -157.48133087158,
      48.700317382813
    ],
    "ImageType": "ORIGINAL PRIMARY M ND NORM",
    "MagneticFieldStrength": 3,
    "Manufacturer": "SIEMENS",
    "ManufacturersModelName": "Prisma_fit",
    "Modality": "MR",
    "PatientPosition": "HFS",
    "RepetitionTime": 2.3,
    "SeriesDescription": "mprage_sag_p2",
    "SeriesNumber": 2,
    "SliceThickness": 1,
    "StudyDescription": "Culham^Psych_9223",
    "dataset": "ds003441",
    "modality": "T1w",
    "session_id": "01",
    "subject_id": "22"
  },
  "cjv": 0.30695081106749145,
  "cnr": 4.227500900307916,
  "efc": 0.451385186374157,
  "fber": -1.0,
  "fwhm_avg": 3.6159033333333332,
  "fwhm_x": 3.60863,
  "fwhm_y": 3.81249,
  "fwhm_z": 3.42659,
  "icvs_csf": 0.1664751175801989,
  "icvs_gm": 0.4859329393030528,
  "icvs_wm": 0.34759194311674835,
  "inu_med": 0.40814322233200073,
  "inu_range": 0.09562388062477112,
  "provenance": {
    "md5sum": "7157778a3a15dae3e1beaa778f7f71df",
    "settings": {
      "testing": false
    },
    "software": "mriqc",
    "version": "22.0.6",
    "warnings": {
      "large_rot_frame": true,
      "small_air_mask": false
    },
    "webapi_port": null,
    "webapi_url": "https://mriqc.nimh.nih.gov/api/v1"
  },
  "qi_1": 0.0,
  "qi_2": 0.03005374702886695,
  "rpve_csf": 30.815438896181693,
  "rpve_gm": 12.001886114200339,
  "rpve_wm": 18.252153484729835,
  "size_x": 176,
  "size_y": 240,
  "size_z": 256,
  "snr_csf": 1.8348571342198308,
  "snr_gm": 11.598368569348317,
  "snr_total": 12.368480830048314,
  "snr_wm": 23.672216786576797,
  "snrd_csf": 24.141528481215534,
  "snrd_gm": 69.98944270673638,
  "snrd_total": 65.17544590711111,
  "snrd_wm": 101.3953665333814,
  "spacing_x": 1.0,
  "spacing_y": 1.0,
  "spacing_z": 1.0,
  "summary_bg_k": 9.141779230771114,
  "summary_bg_mad": 0.0,
  "summary_bg_mean": 3.7907513938345643,
  "summary_bg_median": 0.0,
  "summary_bg_n": 2330609.0,
  "summary_bg_p05": 0.0,
  "summary_bg_p95": 17.588644176721573,
  "summary_bg_stdv": 6.461407819742487,
  "summary_csf_k": 1.3018659497040428,
  "summary_csf_mad": 120.57710710785013,
  "summary_csf_mean": 252.3177991192176,
  "summary_csf_median": 238.10043360292912,
  "summary_csf_n": 20820.0,
  "summary_csf_p05": 56.128009647130966,
  "summary_csf_p95": 486.7260364025831,
  "summary_csf_stdv": 129.76199128742073,
  "summary_gm_k": 0.37905583228685513,
  "summary_gm_mad": 55.70777733174167,
  "summary_gm_mean": 691.2208323309067,
  "summary_gm_median": 690.2842406630516,
  "summary_gm_n": 55716.0,
  "summary_gm_p05": 594.5584338605404,
  "summary_gm_p95": 792.1427251696587,
  "summary_gm_stdv": 59.515098338186,
  "summary_wm_k": 0.7065502936381649,
  "summary_wm_mad": 39.36929085664924,
  "summary_wm_mean": 1000.6194853122824,
  "summary_wm_median": 1000.031160235405,
  "summary_wm_n": 182073.0,
  "summary_wm_p05": 932.8830089271069,
  "summary_wm_p95": 1070.5102583169937,
  "summary_wm_stdv": 42.244814797482555,
  "tpm_overlap_csf": 0.13796078563312925,
  "tpm_overlap_gm": 0.48614848003449135,
  "tpm_overlap_wm": 0.5139113028709368,
  "wm2max": 0.5240432790515506
}