{
  "aor": 0.0035126785714285715,
  "aqi": 0.015537014702380956,
  "bids_meta": {
    "AcquisitionNumber": 1,
    "AcquisitionTime": "12:52:43.170000",
    "BrainVoyagerInfo": {
      "AcquisitionTime": "125243.170000",
      "CalculatedDicomSlice1CenterX": -1.11236572265625,
      "CalculatedDicomSlice1CenterY": -31.128170013427734,
      "CalculatedDicomSlice1CenterZ": -78.67707824707031,
      "CalculatedDicomSliceNCenterX": -1.11236572265625,
      "CalculatedDicomSliceNCenterY": 12.897351264953613,
      "CalculatedDicomSliceNCenterZ": 40.98078155517578,
      "CoordinateSystem": 1,
      "DataStorageFormat": 2,
      "DataType": 2,
      "DicomColDirX": 0,
      "DicomColDirY": 0.938493013381958,
      "DicomColDirZ": -0.3452982008457184,
      "DicomFoVCols": 210,
      "DicomFoVRows": 210,
      "DicomGapThickness": 0,
      "DicomNCols": 84,
      "DicomNRows": 84,
      "DicomPosInfoPresent": 1,
      "DicomRowDirX": 1,
      "DicomRowDirY": 0,
      "DicomRowDirZ": 0,
      "DicomSliceThickness": 2.5,
      "DocumentType": "FMR",
      "MultiBandSequence": true,
      "NrOfPastSpatialTransformations": 0,
      "NrOfPreprocessingSteps": 0,
      "NrOfSkippedVolumes": 0,
      "Protocol": {
        "Conditions": [
          {
            "ColorB": 255,
            "ColorG": 0,
            "ColorR": 255,
            "IntervalsFrom": [
              49,
              113,
              177,
              241,
              305
            ],
            "IntervalsTo": [
              64,
              128,
              192,
              256,
              320
            ],
            "Name": "Face",
            "NrOfIntervals": 5
          },
          {
            "ColorB": 0,
            "ColorG": 168,
            "ColorR": 0,
            "IntervalsFrom": [
              17,
              81,
              145,
              209,
              273
            ],
            "IntervalsTo": [
              32,
              96,
              160,
              224,
              288
            ],
            "Name": "Hand",
            "NrOfIntervals": 5
          },
          {
            "ColorB": 0,
            "ColorG": 255,
            "ColorR": 255,
            "IntervalsFrom": [
              49,
              64,
              113,
              128,
              177,
              192,
              241,
              256,
              305,
              320
            ],
            "IntervalsTo": [
              49,
              64,
              113,
              128,
              177,
              192,
              241,
              256,
              305,
              320
            ],
            "Name": "ChangeHandPosition",
            "NrOfIntervals": 10
          },
          {
            "ColorB": 255,
            "ColorG": 0,
            "ColorR": 0,
            "IntervalsFrom": [
              49,
              113,
              177,
              241,
              305
            ],
            "IntervalsTo": [
              64,
              128,
              192,
              256,
              320
            ],
            "Name": "TouchingShoulder",
            "NrOfIntervals": 5
          }
        ],
        "FileName": "sub-21_ses-01_4HandB_run-1.prt",
        "Name": "newbi4fmri_VAR4_Motion",
        "NrOfConditions": 4,
        "TimeCourseColors": {
          "RefTCPenThick": 3,
          "RefTimeCourseB": 80,
          "RefTimeCourseG": 0,
          "RefTimeCourseR": 0,
          "TCBackColorB": 0,
          "TCBackColorG": 0,
          "TCBackColorR": 0,
          "TCPenThick": 3,
          "TCTextColorB": 255,
          "TCTextColorG": 255,
          "TCTextColorR": 255,
          "TimeCourseB": 255,
          "TimeCourseG": 255,
          "TimeCourseR": 255
        },
        "TimeResolution": "Volumes"
      },
      "SliceAcquisitionOrder": 5,
      "SliceAcquisitionOrderVerified": true,
      "SliceGap": 0,
      "SliceThickness": 2.5,
      "SliceTimingTable": [
        0,
        0.5275,
        0.075,
        0.6025,
        0.1525,
        0.68,
        0.2275,
        0.755,
        0.3025,
        0.83,
        0.3775,
        0.905,
        0.4525,
        0,
        0.5275,
        0.075,
        0.6025,
        0.1525,
        0.68,
        0.2275,
        0.755,
        0.3025,
        0.83,
        0.3775,
        0.905,
        0.4525,
        0,
        0.5275,
        0.075,
        0.6025,
        0.1525,
        0.68,
        0.2275,
        0.755,
        0.3025,
        0.83,
        0.3775,
        0.905,
        0.4525,
        0,
        0.5275,
        0.075,
        0.6025,
        0.1525,
        0.68,
        0.2275,
        0.755,
        0.3025,
        0.83,
        0.3775,
        0.905,
        0.4525
      ],
      "SliceTimingTableSize": 52,
      "TE": 0.028,
      "TR": 1,
      "TimeResolutionVerified": true,
      "Version": 1,
      "VoxelResolutionVerified": true
    },
    "ConversionSoftware": "BrainVoyager",
    "ConversionSoftwareVersion": "21.4.5.4030",
    "ImageNumber": 1,
    "ImageOrientationPatientDICOM": [
      1,
      0,
      0,
      0,
      0.93849302299978,
      -0.3452981983456
    ],
    "ImagePositionPatientDICOM": [
      -839.86235119402,
      -818.28915640966,
      210.94178299706
    ],
    "ImageType": "ORIGINAL PRIMARY M MB ND NORM MOSAIC",
    "MagneticFieldStrength": 3,
    "Manufacturer": "SIEMENS",
    "ManufacturersModelName": "Prisma_fit",
    "Modality": "MR",
    "NrOfTemporalPositions": 0,
    "PatientPosition": "HFS",
    "RepetitionTime": 1,
    "SeriesDescription": "ep_mb4_2.5iso",
    "SeriesNumber": 11,
    "SiemensMosaicSliceAcqOrder": 3,
    "SiemensMosaicTE": 0.028,
    "SiemensMosaicTR": 1,
    "SliceThickness": 2.5,
    "SliceTiming": [
      0,
      0.5275,
      0.075,
      0.6025,
      0.1525,
      0.68,
      0.2275,
      0.755,
      0.3025,
      0.83,
      0.3775,
      0.905,
      0.4525,
      0,
      0.5275,
      0.075,
      0.6025,
      0.1525,
      0.68,
      0.2275,
      0.755,
      0.3025,
      0.83,
      0.3775,
      0.905,
      0.4525,
      0,
      0.5275,
      0.075,
      0.6025,
      0.1525,
      0.68,
      0.2275,
      0.755,
      0.3025,
      0.83,
      0.3775,
      0.905,
      0.4525,
      0,
      0.5275,
      0.075,
      0.6025,
      0.1525,
      0.68,
      0.2275,
      0.755,
      0.3025,
      0.83,
      0.3775,
      0.905,
      0.4525
    ],
    "StudyDescription": "newbi4fmri_VAR4_Motion",
    "TaskName": "newbi4fmri_VAR4_Motion",
    "dataset": "ds003441",
    "modality": "bold",
    "run_id": 1,
    "session_id": "01",
    "subject_id": "21",
    "task_id": "4HandB"
  },
  "dummy_trs": 0,
  "dvars_nstd": 29.930385561134344,
  "dvars_std": 1.160622757402986,
  "dvars_vstd": 0.9907052844776127,
  "efc": 0.5130925749151071,
  "fber": 3677.3974609375,
  "fd_mean": 0.24080226883680325,
  "fd_num": 114,
  "fd_perc": 33.92857142857143,
  "fwhm_avg": 1.9342801265358094,
  "fwhm_x": 1.8223680000000002,
  "fwhm_y": 2.0265761932693667,
  "fwhm_z": 1.9538961863380608,
  "gcor": 0.0356767,
  "gsr_x": -0.013109561987221241,
  "gsr_y": 0.018105771392583847,
  "provenance": {
    "md5sum": "cb3593306cf8d0826eddbd963dea6bbb",
    "settings": {
      "fd_thres": 0.2,
      "testing": false
    },
    "software": "mriqc",
    "version": "22.0.6",
    "webapi_port": null,
    "webapi_url": "https://mriqc.nimh.nih.gov/api/v1"
  },
  "size_t": 336,
  "size_x": 84,
  "size_y": 84,
  "size_z": 52,
  "snr": 5.650720259004232,
  "spacing_tr": 1.0,
  "spacing_x": 2.5,
  "spacing_y": 2.499999761581421,
  "spacing_z": 2.499999761581421,
  "summary_bg_k": 38.4857710190785,
  "summary_bg_mad": 43.00669368658022,
  "summary_bg_mean": 154.4901885986328,
  "summary_bg_median": 65.52558898925781,
  "summary_bg_n": 231372.0,
  "summary_bg_p05": 30.51265878677368,
  "summary_bg_p95": 547.6175720214837,
  "summary_bg_stdv": 265.88726806640625,
  "summary_fg_k": 4.277496276400744,
  "summary_fg_mad": 646.779788371585,
  "summary_fg_mean": 4131.02490234375,
  "summary_fg_median": 4038.908935546875,
  "summary_fg_n": 74879.0,
  "summary_fg_p05": 3192.5805908203124,
  "summary_fg_p95": 5346.785351562498,
  "summary_fg_stdv": 714.7552490234375,
  "tsnr": 43.86494827270508
}