{
  "aor": 0.0004778378378378379,
  "aqi": 0.009235800510510511,
  "bids_meta": {
    "AcquisitionNumber": 1,
    "AcquisitionTime": "12:40:16.530000",
    "BrainVoyagerInfo": {
      "AcquisitionTime": "124016.530000",
      "CalculatedDicomSlice1CenterX": -1.11236572265625,
      "CalculatedDicomSlice1CenterY": -31.128170013427734,
      "CalculatedDicomSlice1CenterZ": -78.67707824707031,
      "CalculatedDicomSliceNCenterX": -1.11236572265625,
      "CalculatedDicomSliceNCenterY": 12.897351264953613,
      "CalculatedDicomSliceNCenterZ": 40.98078155517578,
      "CoordinateSystem": 1,
      "DataStorageFormat": 2,
      "DataType": 2,
      "DicomColDirX": 0,
      "DicomColDirY": 0.938493013381958,
      "DicomColDirZ": -0.3452982008457184,
      "DicomFoVCols": 210,
      "DicomFoVRows": 210,
      "DicomGapThickness": 0,
      "DicomNCols": 84,
      "DicomNRows": 84,
      "DicomPosInfoPresent": 1,
      "DicomRowDirX": 1,
      "DicomRowDirY": 0,
      "DicomRowDirZ": 0,
      "DicomSliceThickness": 2.5,
      "DocumentType": "FMR",
      "MultiBandSequence": true,
      "NrOfPastSpatialTransformations": 0,
      "NrOfPreprocessingSteps": 0,
      "NrOfSkippedVolumes": 0,
      "Protocol": {
        "Conditions": [
          {
            "ColorB": 255,
            "ColorG": 0,
            "ColorR": 255,
            "IntervalsFrom": [
              49,
              113,
              177,
              241,
              305
            ],
            "IntervalsTo": [
              64,
              128,
              192,
              256,
              320
            ],
            "Name": "Face",
            "NrOfIntervals": 5
          },
          {
            "ColorB": 0,
            "ColorG": 168,
            "ColorR": 0,
            "IntervalsFrom": [
              17,
              81,
              145,
              209,
              273
            ],
            "IntervalsTo": [
              32,
              96,
              160,
              224,
              288
            ],
            "Name": "Hand",
            "NrOfIntervals": 5
          },
          {
            "ColorB": 0,
            "ColorG": 255,
            "ColorR": 255,
            "IntervalsFrom": [
              41,
              89,
              137,
              153,
              169,
              185,
              265,
              281,
              297,
              313
            ],
            "IntervalsTo": [
              41,
              89,
              137,
              153,
              169,
              185,
              265,
              281,
              297,
              313
            ],
            "Name": "ChangeHandPosition",
            "NrOfIntervals": 10
          },
          {
            "ColorB": 255,
            "ColorG": 0,
            "ColorR": 0,
            "IntervalsFrom": [
              41,
              137,
              169,
              265,
              297
            ],
            "IntervalsTo": [
              89,
              153,
              185,
              281,
              313
            ],
            "Name": "TouchingShoulder",
            "NrOfIntervals": 5
          }
        ],
        "FileName": "sub-21_ses-01_3HandA_run-1.prt",
        "Name": "newbi4fmri_VAR4_Motion",
        "NrOfConditions": 4,
        "TimeCourseColors": {
          "RefTCPenThick": 3,
          "RefTimeCourseB": 80,
          "RefTimeCourseG": 0,
          "RefTimeCourseR": 0,
          "TCBackColorB": 0,
          "TCBackColorG": 0,
          "TCBackColorR": 0,
          "TCPenThick": 3,
          "TCTextColorB": 255,
          "TCTextColorG": 255,
          "TCTextColorR": 255,
          "TimeCourseB": 255,
          "TimeCourseG": 255,
          "TimeCourseR": 255
        },
        "TimeResolution": "Volumes"
      },
      "SliceAcquisitionOrder": 5,
      "SliceAcquisitionOrderVerified": true,
      "SliceGap": 0,
      "SliceThickness": 2.5,
      "SliceTimingTable": [
        0,
        0.5275,
        0.075,
        0.6025,
        0.15,
        0.68,
        0.2275,
        0.755,
        0.3025,
        0.83,
        0.3775,
        0.905,
        0.4525,
        0,
        0.5275,
        0.075,
        0.6025,
        0.15,
        0.68,
        0.2275,
        0.755,
        0.3025,
        0.83,
        0.3775,
        0.905,
        0.4525,
        0,
        0.5275,
        0.075,
        0.6025,
        0.15,
        0.68,
        0.2275,
        0.755,
        0.3025,
        0.83,
        0.3775,
        0.905,
        0.4525,
        0,
        0.5275,
        0.075,
        0.6025,
        0.15,
        0.68,
        0.2275,
        0.755,
        0.3025,
        0.83,
        0.3775,
        0.905,
        0.4525
      ],
      "SliceTimingTableSize": 52,
      "TE": 0.028,
      "TR": 1,
      "TimeResolutionVerified": true,
      "Version": 1,
      "VoxelResolutionVerified": true
    },
    "ConversionSoftware": "BrainVoyager",
    "ConversionSoftwareVersion": "21.4.5.4030",
    "ImageNumber": 1,
    "ImageOrientationPatientDICOM": [
      1,
      0,
      0,
      0,
      0.93849302299978,
      -0.3452981983456
    ],
    "ImagePositionPatientDICOM": [
      -839.86235119402,
      -818.28915640966,
      210.94178299706
    ],
    "ImageType": "ORIGINAL PRIMARY M MB ND NORM MOSAIC",
    "MagneticFieldStrength": 3,
    "Manufacturer": "SIEMENS",
    "ManufacturersModelName": "Prisma_fit",
    "Modality": "MR",
    "NrOfTemporalPositions": 0,
    "PatientPosition": "HFS",
    "RepetitionTime": 1,
    "SeriesDescription": "ep_mb4_2.5iso",
    "SeriesNumber": 9,
    "SiemensMosaicSliceAcqOrder": 3,
    "SiemensMosaicTE": 0.028,
    "SiemensMosaicTR": 1,
    "SliceThickness": 2.5,
    "SliceTiming": [
      0,
      0.5275,
      0.075,
      0.6025,
      0.15,
      0.68,
      0.2275,
      0.755,
      0.3025,
      0.83,
      0.3775,
      0.905,
      0.4525,
      0,
      0.5275,
      0.075,
      0.6025,
      0.15,
      0.68,
      0.2275,
      0.755,
      0.3025,
      0.83,
      0.3775,
      0.905,
      0.4525,
      0,
      0.5275,
      0.075,
      0.6025,
      0.15,
      0.68,
      0.2275,
      0.755,
      0.3025,
      0.83,
      0.3775,
      0.905,
      0.4525,
      0,
      0.5275,
      0.075,
      0.6025,
      0.15,
      0.68,
      0.2275,
      0.755,
      0.3025,
      0.83,
      0.3775,
      0.905,
      0.4525
    ],
    "StudyDescription": "newbi4fmri_VAR4_Motion",
    "TaskName": "newbi4fmri_VAR4_Motion",
    "dataset": "ds003441",
    "modality": "bold",
    "run_id": 1,
    "session_id": "01",
    "subject_id": "21",
    "task_id": "3HandA"
  },
  "dummy_trs": 3,
  "dvars_nstd": 27.23404180003014,
  "dvars_std": 1.1680841937048203,
  "dvars_vstd": 0.9729981646686743,
  "efc": 0.5123113176346001,
  "fber": 3718.678466796875,
  "fd_mean": 0.16699806761387376,
  "fd_num": 92,
  "fd_perc": 27.62762762762763,
  "fwhm_avg": 1.9130467918487668,
  "fwhm_x": 1.8012519999999999,
  "fwhm_y": 1.9991761906562986,
  "fwhm_z": 1.9387121848900017,
  "gcor": 0.0107625,
  "gsr_x": -0.013696586713194847,
  "gsr_y": 0.018066884949803352,
  "provenance": {
    "md5sum": "c97b73c999d089ad16c36379318cce5d",
    "settings": {
      "fd_thres": 0.2,
      "testing": false
    },
    "software": "mriqc",
    "version": "22.0.6",
    "webapi_port": null,
    "webapi_url": "https://mriqc.nimh.nih.gov/api/v1"
  },
  "size_t": 333,
  "size_x": 84,
  "size_y": 84,
  "size_z": 52,
  "snr": 5.625882871424518,
  "spacing_tr": 1.0,
  "spacing_x": 2.5,
  "spacing_y": 2.499999761581421,
  "spacing_z": 2.499999761581421,
  "summary_bg_k": 41.19162741613463,
  "summary_bg_mad": 42.76743303002211,
  "summary_bg_mean": 152.3876495361328,
  "summary_bg_median": 65.162353515625,
  "summary_bg_n": 231415.0,
  "summary_bg_p05": 30.40823040008545,
  "summary_bg_p95": 536.7655883789057,
  "summary_bg_stdv": 263.194580078125,
  "summary_fg_k": 4.313946578590973,
  "summary_fg_mad": 653.6692193593601,
  "summary_fg_mean": 4135.5673828125,
  "summary_fg_median": 4044.290283203125,
  "summary_fg_n": 74896.0,
  "summary_fg_p05": 3192.673828125,
  "summary_fg_p95": 5361.3958740234375,
  "summary_fg_stdv": 718.8673095703125,
  "tsnr": 56.589088439941406
}