{
  "aor": 0.005166507462686568,
  "aqi": 0.016871846328358208,
  "bids_meta": {
    "AcquisitionNumber": 1,
    "AcquisitionTime": "12:59:01.917500",
    "BrainVoyagerInfo": {
      "AcquisitionTime": "125901.917500",
      "CalculatedDicomSlice1CenterX": -1.11236572265625,
      "CalculatedDicomSlice1CenterY": -31.128170013427734,
      "CalculatedDicomSlice1CenterZ": -78.67707824707031,
      "CalculatedDicomSliceNCenterX": -1.11236572265625,
      "CalculatedDicomSliceNCenterY": 12.897351264953613,
      "CalculatedDicomSliceNCenterZ": 40.98078155517578,
      "CoordinateSystem": 1,
      "DataStorageFormat": 2,
      "DataType": 2,
      "DicomColDirX": 0,
      "DicomColDirY": 0.938493013381958,
      "DicomColDirZ": -0.3452982008457184,
      "DicomFoVCols": 210,
      "DicomFoVRows": 210,
      "DicomGapThickness": 0,
      "DicomNCols": 84,
      "DicomNRows": 84,
      "DicomPosInfoPresent": 1,
      "DicomRowDirX": 1,
      "DicomRowDirY": 0,
      "DicomRowDirZ": 0,
      "DicomSliceThickness": 2.5,
      "DocumentType": "FMR",
      "MultiBandSequence": true,
      "NrOfPastSpatialTransformations": 0,
      "NrOfPreprocessingSteps": 0,
      "NrOfSkippedVolumes": 0,
      "Protocol": {
        "Conditions": [
          {
            "ColorB": 255,
            "ColorG": 0,
            "ColorR": 255,
            "IntervalsFrom": [
              49,
              113,
              177,
              241,
              305
            ],
            "IntervalsTo": [
              64,
              128,
              192,
              256,
              320
            ],
            "Name": "Face",
            "NrOfIntervals": 5
          },
          {
            "ColorB": 0,
            "ColorG": 168,
            "ColorR": 0,
            "IntervalsFrom": [
              17,
              81,
              145,
              209,
              273
            ],
            "IntervalsTo": [
              32,
              96,
              160,
              224,
              288
            ],
            "Name": "Hand",
            "NrOfIntervals": 5
          },
          {
            "ColorB": 0,
            "ColorG": 0,
            "ColorR": 255,
            "IntervalsFrom": [
              1,
              58,
              90,
              122,
              154,
              225,
              321
            ],
            "IntervalsTo": [
              56,
              88,
              120,
              152,
              176,
              272,
              336
            ],
            "Name": "EyesCenter",
            "NrOfIntervals": 7
          },
          {
            "ColorB": 0,
            "ColorG": 255,
            "ColorR": 0,
            "IntervalsFrom": [
              57,
              89,
              177,
              273,
              281,
              289,
              297,
              305,
              313
            ],
            "IntervalsTo": [
              57,
              89,
              224,
              276,
              284,
              292,
              300,
              308,
              316
            ],
            "Name": "EyesLeft",
            "NrOfIntervals": 9
          },
          {
            "ColorB": 255,
            "ColorG": 0,
            "ColorR": 0,
            "IntervalsFrom": [
              121,
              153,
              277,
              285,
              293,
              301,
              309,
              317
            ],
            "IntervalsTo": [
              121,
              153,
              280,
              288,
              296,
              304,
              312,
              320
            ],
            "Name": "EyesRight",
            "NrOfIntervals": 8
          },
          {
            "ColorB": 0,
            "ColorG": 255,
            "ColorR": 255,
            "IntervalsFrom": [
              57,
              58,
              89,
              90,
              121,
              122,
              153,
              154,
              177,
              225,
              273,
              277,
              281,
              285,
              289,
              293,
              297,
              301,
              305,
              309,
              313,
              317,
              321
            ],
            "IntervalsTo": [
              57,
              58,
              89,
              90,
              121,
              122,
              153,
              154,
              177,
              225,
              273,
              277,
              281,
              285,
              289,
              293,
              297,
              301,
              305,
              309,
              313,
              317,
              321
            ],
            "Name": "EyeMovement",
            "NrOfIntervals": 23
          }
        ],
        "FileName": "sub-21_ses-01_5Eyes_run-1.prt",
        "Name": "newbi4fmri_VAR4_Motion",
        "NrOfConditions": 6,
        "TimeCourseColors": {
          "RefTCPenThick": 3,
          "RefTimeCourseB": 80,
          "RefTimeCourseG": 0,
          "RefTimeCourseR": 0,
          "TCBackColorB": 0,
          "TCBackColorG": 0,
          "TCBackColorR": 0,
          "TCPenThick": 3,
          "TCTextColorB": 255,
          "TCTextColorG": 255,
          "TCTextColorR": 255,
          "TimeCourseB": 255,
          "TimeCourseG": 255,
          "TimeCourseR": 255
        },
        "TimeResolution": "Volumes"
      },
      "SliceAcquisitionOrder": 5,
      "SliceAcquisitionOrderVerified": true,
      "SliceGap": 0,
      "SliceThickness": 2.5,
      "SliceTimingTable": [
        0,
        0.5275,
        0.075,
        0.6025,
        0.1525,
        0.68,
        0.2275,
        0.755,
        0.3025,
        0.83,
        0.3775,
        0.905,
        0.4525,
        0,
        0.5275,
        0.075,
        0.6025,
        0.1525,
        0.68,
        0.2275,
        0.755,
        0.3025,
        0.83,
        0.3775,
        0.905,
        0.4525,
        0,
        0.5275,
        0.075,
        0.6025,
        0.1525,
        0.68,
        0.2275,
        0.755,
        0.3025,
        0.83,
        0.3775,
        0.905,
        0.4525,
        0,
        0.5275,
        0.075,
        0.6025,
        0.1525,
        0.68,
        0.2275,
        0.755,
        0.3025,
        0.83,
        0.3775,
        0.905,
        0.4525
      ],
      "SliceTimingTableSize": 52,
      "TE": 0.028,
      "TR": 1,
      "TimeResolutionVerified": true,
      "Version": 1,
      "VoxelResolutionVerified": true
    },
    "ConversionSoftware": "BrainVoyager",
    "ConversionSoftwareVersion": "21.4.5.4030",
    "ImageNumber": 1,
    "ImageOrientationPatientDICOM": [
      1,
      0,
      0,
      0,
      0.93849302299978,
      -0.3452981983456
    ],
    "ImagePositionPatientDICOM": [
      -839.86235119402,
      -818.28915640966,
      210.94178299706
    ],
    "ImageType": "ORIGINAL PRIMARY M MB ND NORM MOSAIC",
    "MagneticFieldStrength": 3,
    "Manufacturer": "SIEMENS",
    "ManufacturersModelName": "Prisma_fit",
    "Modality": "MR",
    "NrOfTemporalPositions": 0,
    "PatientPosition": "HFS",
    "RepetitionTime": 1,
    "SeriesDescription": "ep_mb4_2.5iso",
    "SeriesNumber": 12,
    "SiemensMosaicSliceAcqOrder": 3,
    "SiemensMosaicTE": 0.028,
    "SiemensMosaicTR": 1,
    "SliceThickness": 2.5,
    "SliceTiming": [
      0,
      0.5275,
      0.075,
      0.6025,
      0.1525,
      0.68,
      0.2275,
      0.755,
      0.3025,
      0.83,
      0.3775,
      0.905,
      0.4525,
      0,
      0.5275,
      0.075,
      0.6025,
      0.1525,
      0.68,
      0.2275,
      0.755,
      0.3025,
      0.83,
      0.3775,
      0.905,
      0.4525,
      0,
      0.5275,
      0.075,
      0.6025,
      0.1525,
      0.68,
      0.2275,
      0.755,
      0.3025,
      0.83,
      0.3775,
      0.905,
      0.4525,
      0,
      0.5275,
      0.075,
      0.6025,
      0.1525,
      0.68,
      0.2275,
      0.755,
      0.3025,
      0.83,
      0.3775,
      0.905,
      0.4525
    ],
    "StudyDescription": "newbi4fmri_VAR4_Motion",
    "TaskName": "newbi4fmri_VAR4_Motion",
    "dataset": "ds003441",
    "modality": "bold",
    "run_id": 1,
    "session_id": "01",
    "subject_id": "21",
    "task_id": "5Eyes"
  },
  "dummy_trs": 1,
  "dvars_nstd": 29.349250256886236,
  "dvars_std": 1.1704062528742516,
  "dvars_vstd": 1.0086325195808377,
  "efc": 0.5134135270826466,
  "fber": 3599.23583984375,
  "fd_mean": 0.20471110187428307,
  "fd_num": 89,
  "fd_perc": 26.567164179104477,
  "fwhm_avg": 1.9391374603208027,
  "fwhm_x": 1.8227319999999998,
  "fwhm_y": 2.0298961935859867,
  "fwhm_z": 1.9647841873764216,
  "gcor": 0.0334988,
  "gsr_x": -0.013178150169551373,
  "gsr_y": 0.01853272318840027,
  "provenance": {
    "md5sum": "289bb04d2bcd43f48cdb090dd1c21c98",
    "settings": {
      "fd_thres": 0.2,
      "testing": false
    },
    "software": "mriqc",
    "version": "22.0.6",
    "webapi_port": null,
    "webapi_url": "https://mriqc.nimh.nih.gov/api/v1"
  },
  "size_t": 335,
  "size_x": 84,
  "size_y": 84,
  "size_z": 52,
  "snr": 5.650811953037594,
  "spacing_tr": 1.0,
  "spacing_x": 2.5,
  "spacing_y": 2.499999761581421,
  "spacing_z": 2.499999761581421,
  "summary_bg_k": 36.99617295694216,
  "summary_bg_mad": 45.158461661265775,
  "summary_bg_mean": 154.43048095703125,
  "summary_bg_median": 66.01009368896484,
  "summary_bg_n": 231403.0,
  "summary_bg_p05": 29.02198143005371,
  "summary_bg_p95": 549.7033630371093,
  "summary_bg_stdv": 263.0205078125,
  "summary_fg_k": 4.236479426729289,
  "summary_fg_mad": 646.3088739462247,
  "summary_fg_mean": 4109.8193359375,
  "summary_fg_median": 4022.66650390625,
  "summary_fg_n": 74993.0,
  "summary_fg_p05": 3173.980859375,
  "summary_fg_p95": 5319.375488281248,
  "summary_fg_stdv": 711.8693237304688,
  "tsnr": 41.287261962890625
}