{
  "aor": 0.0032648203592814374,
  "aqi": 0.011946120658682634,
  "bids_meta": {
    "AcquisitionNumber": 1,
    "AcquisitionTime": "12:46:45.010000",
    "BrainVoyagerInfo": {
      "AcquisitionTime": "124645.010000",
      "CalculatedDicomSlice1CenterX": -1.11236572265625,
      "CalculatedDicomSlice1CenterY": -31.128170013427734,
      "CalculatedDicomSlice1CenterZ": -78.67707824707031,
      "CalculatedDicomSliceNCenterX": -1.11236572265625,
      "CalculatedDicomSliceNCenterY": 12.897351264953613,
      "CalculatedDicomSliceNCenterZ": 40.98078155517578,
      "CoordinateSystem": 1,
      "DataStorageFormat": 2,
      "DataType": 2,
      "DicomColDirX": 0,
      "DicomColDirY": 0.938493013381958,
      "DicomColDirZ": -0.3452982008457184,
      "DicomFoVCols": 210,
      "DicomFoVRows": 210,
      "DicomGapThickness": 0,
      "DicomNCols": 84,
      "DicomNRows": 84,
      "DicomPosInfoPresent": 1,
      "DicomRowDirX": 1,
      "DicomRowDirY": 0,
      "DicomRowDirZ": 0,
      "DicomSliceThickness": 2.5,
      "DocumentType": "FMR",
      "MultiBandSequence": true,
      "NrOfPastSpatialTransformations": 0,
      "NrOfPreprocessingSteps": 0,
      "NrOfSkippedVolumes": 0,
      "Protocol": {
        "Conditions": [
          {
            "ColorB": 255,
            "ColorG": 0,
            "ColorR": 255,
            "IntervalsFrom": [
              49,
              113,
              177,
              241,
              305
            ],
            "IntervalsTo": [
              64,
              128,
              192,
              256,
              320
            ],
            "Name": "Face",
            "NrOfIntervals": 5
          },
          {
            "ColorB": 0,
            "ColorG": 168,
            "ColorR": 0,
            "IntervalsFrom": [
              17,
              81,
              145,
              209,
              273
            ],
            "IntervalsTo": [
              32,
              96,
              160,
              224,
              288
            ],
            "Name": "Hand",
            "NrOfIntervals": 5
          },
          {
            "ColorB": 0,
            "ColorG": 255,
            "ColorR": 255,
            "IntervalsFrom": [
              41,
              89,
              137,
              153,
              169,
              185,
              265,
              281,
              297,
              313
            ],
            "IntervalsTo": [
              41,
              89,
              137,
              153,
              169,
              185,
              265,
              281,
              297,
              313
            ],
            "Name": "ChangeHandPosition",
            "NrOfIntervals": 10
          },
          {
            "ColorB": 255,
            "ColorG": 0,
            "ColorR": 0,
            "IntervalsFrom": [
              41,
              137,
              169,
              265,
              297
            ],
            "IntervalsTo": [
              89,
              153,
              185,
              281,
              313
            ],
            "Name": "TouchingShoulder",
            "NrOfIntervals": 5
          }
        ],
        "FileName": "sub-21_ses-01_3HandA_run-2.prt",
        "Name": "newbi4fmri_VAR4_Motion",
        "NrOfConditions": 4,
        "TimeCourseColors": {
          "RefTCPenThick": 3,
          "RefTimeCourseB": 80,
          "RefTimeCourseG": 0,
          "RefTimeCourseR": 0,
          "TCBackColorB": 0,
          "TCBackColorG": 0,
          "TCBackColorR": 0,
          "TCPenThick": 3,
          "TCTextColorB": 255,
          "TCTextColorG": 255,
          "TCTextColorR": 255,
          "TimeCourseB": 255,
          "TimeCourseG": 255,
          "TimeCourseR": 255
        },
        "TimeResolution": "Volumes"
      },
      "SliceAcquisitionOrder": 5,
      "SliceAcquisitionOrderVerified": true,
      "SliceGap": 0,
      "SliceThickness": 2.5,
      "SliceTimingTable": [
        0,
        0.53,
        0.0775,
        0.605,
        0.1525,
        0.68,
        0.2275,
        0.755,
        0.3025,
        0.83,
        0.3775,
        0.905,
        0.4525,
        0,
        0.53,
        0.0775,
        0.605,
        0.1525,
        0.68,
        0.2275,
        0.755,
        0.3025,
        0.83,
        0.3775,
        0.905,
        0.4525,
        0,
        0.53,
        0.0775,
        0.605,
        0.1525,
        0.68,
        0.2275,
        0.755,
        0.3025,
        0.83,
        0.3775,
        0.905,
        0.4525,
        0,
        0.53,
        0.0775,
        0.605,
        0.1525,
        0.68,
        0.2275,
        0.755,
        0.3025,
        0.83,
        0.3775,
        0.905,
        0.4525
      ],
      "SliceTimingTableSize": 52,
      "TE": 0.028,
      "TR": 1,
      "TimeResolutionVerified": true,
      "Version": 1,
      "VoxelResolutionVerified": true
    },
    "ConversionSoftware": "BrainVoyager",
    "ConversionSoftwareVersion": "21.4.5.4030",
    "ImageNumber": 1,
    "ImageOrientationPatientDICOM": [
      1,
      0,
      0,
      0,
      0.93849302299978,
      -0.3452981983456
    ],
    "ImagePositionPatientDICOM": [
      -839.86235119402,
      -818.28915640966,
      210.94178299706
    ],
    "ImageType": "ORIGINAL PRIMARY M MB ND NORM MOSAIC",
    "MagneticFieldStrength": 3,
    "Manufacturer": "SIEMENS",
    "ManufacturersModelName": "Prisma_fit",
    "Modality": "MR",
    "NrOfTemporalPositions": 0,
    "PatientPosition": "HFS",
    "RepetitionTime": 1,
    "SeriesDescription": "ep_mb4_2.5iso",
    "SeriesNumber": 10,
    "SiemensMosaicSliceAcqOrder": 3,
    "SiemensMosaicTE": 0.028,
    "SiemensMosaicTR": 1,
    "SliceThickness": 2.5,
    "SliceTiming": [
      0,
      0.53,
      0.0775,
      0.605,
      0.1525,
      0.68,
      0.2275,
      0.755,
      0.3025,
      0.83,
      0.3775,
      0.905,
      0.4525,
      0,
      0.53,
      0.0775,
      0.605,
      0.1525,
      0.68,
      0.2275,
      0.755,
      0.3025,
      0.83,
      0.3775,
      0.905,
      0.4525,
      0,
      0.53,
      0.0775,
      0.605,
      0.1525,
      0.68,
      0.2275,
      0.755,
      0.3025,
      0.83,
      0.3775,
      0.905,
      0.4525,
      0,
      0.53,
      0.0775,
      0.605,
      0.1525,
      0.68,
      0.2275,
      0.755,
      0.3025,
      0.83,
      0.3775,
      0.905,
      0.4525
    ],
    "StudyDescription": "newbi4fmri_VAR4_Motion",
    "TaskName": "newbi4fmri_VAR4_Motion",
    "dataset": "ds003441",
    "modality": "bold",
    "run_id": 2,
    "session_id": "01",
    "subject_id": "21",
    "task_id": "3HandA"
  },
  "dummy_trs": 2,
  "dvars_nstd": 28.995892619519537,
  "dvars_std": 1.2239145480480476,
  "dvars_vstd": 1.0164604209009003,
  "efc": 0.5127046830031272,
  "fber": 3645.504638671875,
  "fd_mean": 0.1843088758531609,
  "fd_num": 83,
  "fd_perc": 24.850299401197606,
  "fwhm_avg": 1.9209534588913082,
  "fwhm_x": 1.813148,
  "fwhm_y": 2.0111241917957488,
  "fwhm_z": 1.9385881848781763,
  "gcor": 0.0209446,
  "gsr_x": -0.01332112867385149,
  "gsr_y": 0.017506109550595284,
  "provenance": {
    "md5sum": "4a63f6feb5d417098da08f92b39c2b42",
    "settings": {
      "fd_thres": 0.2,
      "testing": false
    },
    "software": "mriqc",
    "version": "22.0.6",
    "webapi_port": null,
    "webapi_url": "https://mriqc.nimh.nih.gov/api/v1"
  },
  "size_t": 334,
  "size_x": 84,
  "size_y": 84,
  "size_z": 52,
  "snr": 5.643020584074375,
  "spacing_tr": 1.0,
  "spacing_x": 2.5,
  "spacing_y": 2.499999761581421,
  "spacing_z": 2.499999761581421,
  "summary_bg_k": 38.96052874620456,
  "summary_bg_mad": 43.38813244819133,
  "summary_bg_mean": 152.75804138183594,
  "summary_bg_median": 65.49853515625,
  "summary_bg_n": 231405.0,
  "summary_bg_p05": 30.295824432373045,
  "summary_bg_p95": 541.8036865234375,
  "summary_bg_stdv": 261.2718505859375,
  "summary_fg_k": 4.055849711155147,
  "summary_fg_mad": 649.5935111121987,
  "summary_fg_mean": 4123.87548828125,
  "summary_fg_median": 4034.15185546875,
  "summary_fg_n": 74960.0,
  "summary_fg_p05": 3184.64833984375,
  "summary_fg_p95": 5345.319311523438,
  "summary_fg_stdv": 714.8875122070312,
  "tsnr": 49.116294860839844
}