{
  "bids_meta": {
    "AcquisitionNumber": 1,
    "AcquisitionTime": "12:17:1",
    "BrainVoyagerInfo": {
      "CalculatedDicomSlice1CenterX": -83.85702514648438,
      "CalculatedDicomSlice1CenterY": -27.811843872070312,
      "CalculatedDicomSlice1CenterZ": -46.935272216796875,
      "CalculatedDicomSliceNCenterX": 91.14297485351562,
      "CalculatedDicomSliceNCenterY": -27.811843872070312,
      "CalculatedDicomSliceNCenterZ": -46.935272216796875,
      "CoordinateSystem": 1,
      "DicomColDirX": 0,
      "DicomColDirY": 0,
      "DicomColDirZ": -1,
      "DicomFoVCols": 256,
      "DicomFoVRows": 216,
      "DicomGapThickness": 0,
      "DicomNCols": 216,
      "DicomNRows": 256,
      "DicomPosInfoPresent": 1,
      "DicomRowDirX": 0,
      "DicomRowDirY": 1,
      "DicomRowDirZ": 0,
      "DicomSliceThickness": 1,
      "DocumentType": "VMR",
      "FramingCubeDim": 256,
      "MagnetPosInfosVerified": 1,
      "NrOfPastSpatialTransformations": 0,
      "NrOfPreprocessingSteps": 0,
      "OffsetX": 0,
      "OffsetY": 0,
      "OffsetZ": 0,
      "ReferenceSpace": "Native",
      "Version": 1
    },
    "ConversionSoftware": "BrainVoyager",
    "ConversionSoftwareVersion": "21.4.5.4030",
    "ImageNumber": 176,
    "ImageOrientationPatientDICOM": [
      0,
      1,
      0,
      0,
      0,
      -1
    ],
    "ImagePositionPatientDICOM": [
      91.142976999283,
      -135.31184005737,
      80.564723968506
    ],
    "ImageType": "ORIGINAL PRIMARY M ND NORM",
    "MagneticFieldStrength": 3,
    "Manufacturer": "SIEMENS",
    "ManufacturersModelName": "Prisma_fit",
    "Modality": "MR",
    "PatientPosition": "HFS",
    "RepetitionTime": 2.3,
    "SeriesDescription": "mprage_sag_p2",
    "SeriesNumber": 2,
    "SliceThickness": 1,
    "StudyDescription": "Culham^Psych_9223",
    "dataset": "ds003441",
    "modality": "T1w",
    "session_id": "01",
    "subject_id": "21"
  },
  "cjv": 0.31561866846582753,
  "cnr": 4.110548941214159,
  "efc": 0.5041051350501927,
  "fber": -1.0,
  "fwhm_avg": 3.680823333333333,
  "fwhm_x": 3.74927,
  "fwhm_y": 3.777,
  "fwhm_z": 3.5162,
  "icvs_csf": 0.192766497120607,
  "icvs_gm": 0.4645050875683855,
  "icvs_wm": 0.3427284153110075,
  "inu_med": 0.4363954961299896,
  "inu_range": 0.12287822365760803,
  "provenance": {
    "md5sum": "7e6e9544e905d8b5d86eadbbe29cb8d1",
    "settings": {
      "testing": false
    },
    "software": "mriqc",
    "version": "22.0.6",
    "warnings": {
      "large_rot_frame": true,
      "small_air_mask": false
    },
    "webapi_port": null,
    "webapi_url": "https://mriqc.nimh.nih.gov/api/v1"
  },
  "qi_1": 0.017947548863392813,
  "qi_2": 0.03188938880776944,
  "rpve_csf": 21.83982913056948,
  "rpve_gm": 9.86961182263575,
  "rpve_wm": 14.890463482431514,
  "size_x": 176,
  "size_y": 216,
  "size_z": 256,
  "snr_csf": 2.0105633086087544,
  "snr_gm": 11.19346896082749,
  "snr_total": 12.833225910170496,
  "snr_wm": 25.295645461075242,
  "snrd_csf": 36.695466334451844,
  "snrd_gm": 101.80569945661324,
  "snrd_total": 94.8941573962478,
  "snrd_wm": 146.18130639767836,
  "spacing_x": 1.0,
  "spacing_y": 1.0,
  "spacing_z": 1.0,
  "summary_bg_k": 11.610712060211464,
  "summary_bg_mad": 0.0,
  "summary_bg_mean": 2.316963135306107,
  "summary_bg_median": 0.0,
  "summary_bg_n": 2079058.0,
  "summary_bg_p05": 0.0,
  "summary_bg_p95": 11.425315937027335,
  "summary_bg_stdv": 4.48167029211094,
  "summary_csf_k": 0.7309100578492433,
  "summary_csf_mad": 117.12944651182892,
  "summary_csf_mean": 268.9190811887075,
  "summary_csf_median": 251.02708585001528,
  "summary_csf_n": 29338.0,
  "summary_csf_p05": 84.26095534292982,
  "summary_csf_p95": 491.77288674199946,
  "summary_csf_stdv": 124.85197882035261,
  "summary_gm_k": 0.25901733066413657,
  "summary_gm_mad": 58.820367331618776,
  "summary_gm_mean": 695.8770296891738,
  "summary_gm_median": 696.4344811588526,
  "summary_gm_n": 42845.0,
  "summary_gm_p05": 591.5734712675214,
  "summary_gm_p95": 798.2727302983403,
  "summary_gm_stdv": 62.21720506635886,
  "summary_wm_k": 0.80626615039824,
  "summary_wm_mad": 36.99058625843297,
  "summary_wm_mean": 999.9882759884924,
  "summary_wm_median": 1000.0000276956707,
  "summary_wm_n": 204711.0,
  "summary_wm_p05": 935.676398601383,
  "summary_wm_p95": 1063.6939149666578,
  "summary_wm_stdv": 39.53240041902609,
  "tpm_overlap_csf": 0.15134271967589916,
  "tpm_overlap_gm": 0.4807875696793789,
  "tpm_overlap_wm": 0.5117394052637091,
  "wm2max": 0.5716955254585976
}