{
  "aor": 0.0003448809523809524,
  "aqi": 0.006653714672619047,
  "bids_meta": {
    "AcquisitionNumber": 1,
    "AcquisitionTime": "12:23:48.350000",
    "BrainVoyagerInfo": {
      "AcquisitionTime": "122348.350000",
      "CalculatedDicomSlice1CenterX": -1.11236572265625,
      "CalculatedDicomSlice1CenterY": -31.128170013427734,
      "CalculatedDicomSlice1CenterZ": -78.67707824707031,
      "CalculatedDicomSliceNCenterX": -1.11236572265625,
      "CalculatedDicomSliceNCenterY": 12.897351264953613,
      "CalculatedDicomSliceNCenterZ": 40.98078155517578,
      "CoordinateSystem": 1,
      "DataStorageFormat": 2,
      "DataType": 2,
      "DicomColDirX": 0,
      "DicomColDirY": 0.938493013381958,
      "DicomColDirZ": -0.3452982008457184,
      "DicomFoVCols": 210,
      "DicomFoVRows": 210,
      "DicomGapThickness": 0,
      "DicomNCols": 84,
      "DicomNRows": 84,
      "DicomPosInfoPresent": 1,
      "DicomRowDirX": 1,
      "DicomRowDirY": 0,
      "DicomRowDirZ": 0,
      "DicomSliceThickness": 2.5,
      "DocumentType": "FMR",
      "MultiBandSequence": true,
      "NrOfPastSpatialTransformations": 0,
      "NrOfPreprocessingSteps": 0,
      "NrOfSkippedVolumes": 0,
      "Protocol": {
        "Conditions": [
          {
            "ColorB": 255,
            "ColorG": 0,
            "ColorR": 255,
            "IntervalsFrom": [
              49,
              113,
              177,
              241,
              305
            ],
            "IntervalsTo": [
              64,
              128,
              192,
              256,
              320
            ],
            "Name": "Face",
            "NrOfIntervals": 5
          },
          {
            "ColorB": 0,
            "ColorG": 168,
            "ColorR": 0,
            "IntervalsFrom": [
              17,
              81,
              145,
              209,
              273
            ],
            "IntervalsTo": [
              32,
              96,
              160,
              224,
              288
            ],
            "Name": "Hand",
            "NrOfIntervals": 5
          }
        ],
        "FileName": "sub-21_ses-01_1Norm_run-1.prt",
        "Name": "newbi4fmri_VAR4_Motion",
        "NrOfConditions": 2,
        "TimeCourseColors": {
          "RefTCPenThick": 3,
          "RefTimeCourseB": 80,
          "RefTimeCourseG": 0,
          "RefTimeCourseR": 0,
          "TCBackColorB": 0,
          "TCBackColorG": 0,
          "TCBackColorR": 0,
          "TCPenThick": 3,
          "TCTextColorB": 255,
          "TCTextColorG": 255,
          "TCTextColorR": 255,
          "TimeCourseB": 255,
          "TimeCourseG": 255,
          "TimeCourseR": 255
        },
        "TimeResolution": "Volumes"
      },
      "SliceAcquisitionOrder": 5,
      "SliceAcquisitionOrderVerified": true,
      "SliceGap": 0,
      "SliceThickness": 2.5,
      "SliceTimingTable": [
        0,
        0.5275,
        0.075,
        0.6025,
        0.15,
        0.6775,
        0.225,
        0.7525,
        0.3025,
        0.83,
        0.3775,
        0.905,
        0.4525,
        0,
        0.5275,
        0.075,
        0.6025,
        0.15,
        0.6775,
        0.225,
        0.7525,
        0.3025,
        0.83,
        0.3775,
        0.905,
        0.4525,
        0,
        0.5275,
        0.075,
        0.6025,
        0.15,
        0.6775,
        0.225,
        0.7525,
        0.3025,
        0.83,
        0.3775,
        0.905,
        0.4525,
        0,
        0.5275,
        0.075,
        0.6025,
        0.15,
        0.6775,
        0.225,
        0.7525,
        0.3025,
        0.83,
        0.3775,
        0.905,
        0.4525
      ],
      "SliceTimingTableSize": 52,
      "TE": 0.028,
      "TR": 1,
      "TimeResolutionVerified": true,
      "Version": 1,
      "VoxelResolutionVerified": true
    },
    "ConversionSoftware": "BrainVoyager",
    "ConversionSoftwareVersion": "21.4.5.4030",
    "ImageNumber": 1,
    "ImageOrientationPatientDICOM": [
      1,
      0,
      0,
      0,
      0.93849302299978,
      -0.3452981983456
    ],
    "ImagePositionPatientDICOM": [
      -839.86235119402,
      -818.28915640966,
      210.94178299706
    ],
    "ImageType": "ORIGINAL PRIMARY M MB ND NORM MOSAIC",
    "MagneticFieldStrength": 3,
    "Manufacturer": "SIEMENS",
    "ManufacturersModelName": "Prisma_fit",
    "Modality": "MR",
    "NrOfTemporalPositions": 0,
    "PatientPosition": "HFS",
    "RepetitionTime": 1,
    "SeriesDescription": "ep_mb4_localizer",
    "SeriesNumber": 3,
    "SiemensMosaicSliceAcqOrder": 3,
    "SiemensMosaicTE": 0.028,
    "SiemensMosaicTR": 1,
    "SliceThickness": 2.5,
    "SliceTiming": [
      0,
      0.5275,
      0.075,
      0.6025,
      0.15,
      0.6775,
      0.225,
      0.7525,
      0.3025,
      0.83,
      0.3775,
      0.905,
      0.4525,
      0,
      0.5275,
      0.075,
      0.6025,
      0.15,
      0.6775,
      0.225,
      0.7525,
      0.3025,
      0.83,
      0.3775,
      0.905,
      0.4525,
      0,
      0.5275,
      0.075,
      0.6025,
      0.15,
      0.6775,
      0.225,
      0.7525,
      0.3025,
      0.83,
      0.3775,
      0.905,
      0.4525,
      0,
      0.5275,
      0.075,
      0.6025,
      0.15,
      0.6775,
      0.225,
      0.7525,
      0.3025,
      0.83,
      0.3775,
      0.905,
      0.4525
    ],
    "StudyDescription": "newbi4fmri_VAR4_Motion",
    "TaskName": "newbi4fmri_VAR4_Motion",
    "dataset": "ds003441",
    "modality": "bold",
    "run_id": 1,
    "session_id": "01",
    "subject_id": "21",
    "task_id": "1Norm"
  },
  "dummy_trs": 4,
  "dvars_nstd": 25.386779950447767,
  "dvars_std": 1.1617396749850748,
  "dvars_vstd": 0.9876416914029849,
  "efc": 0.5104672660845164,
  "fber": 3922.6826171875,
  "fd_mean": 0.11370497557155379,
  "fd_num": 9,
  "fd_perc": 2.6785714285714284,
  "fwhm_avg": 1.9365787933567165,
  "fwhm_x": 1.824412,
  "fwhm_y": 2.028660193468112,
  "fwhm_z": 1.956664186602038,
  "gcor": 0.0186642,
  "gsr_x": -0.011811327189207077,
  "gsr_y": 0.01927812583744526,
  "provenance": {
    "md5sum": "69f4c12028f2b35640c2db88484fb775",
    "settings": {
      "fd_thres": 0.2,
      "testing": false
    },
    "software": "mriqc",
    "version": "22.0.6",
    "webapi_port": null,
    "webapi_url": "https://mriqc.nimh.nih.gov/api/v1"
  },
  "size_t": 336,
  "size_x": 84,
  "size_y": 84,
  "size_z": 52,
  "snr": 5.654132164894574,
  "spacing_tr": 1.0,
  "spacing_x": 2.5,
  "spacing_y": 2.499999761581421,
  "spacing_z": 2.499999761581421,
  "summary_bg_k": 37.02796536602951,
  "summary_bg_mad": 40.48191956711932,
  "summary_bg_mean": 145.3721923828125,
  "summary_bg_median": 63.108428955078125,
  "summary_bg_n": 230782.0,
  "summary_bg_p05": 29.973176956176758,
  "summary_bg_p95": 504.82010650634754,
  "summary_bg_stdv": 251.9561309814453,
  "summary_fg_k": 3.4232597316520543,
  "summary_fg_mad": 654.941339842011,
  "summary_fg_mean": 4121.212890625,
  "summary_fg_median": 4037.3505859375,
  "summary_fg_n": 75043.0,
  "summary_fg_p05": 3167.8748046875,
  "summary_fg_p95": 5340.949560546875,
  "summary_fg_stdv": 714.04833984375,
  "tsnr": 63.18061447143555
}