{
  "aor": 0.0005395575221238939,
  "aqi": 0.010265999351032448,
  "bids_meta": {
    "AcquisitionNumber": 1,
    "AcquisitionTime": "12:34:01.380000",
    "BrainVoyagerInfo": {
      "AcquisitionTime": "123401.380000",
      "CalculatedDicomSlice1CenterX": -1.11236572265625,
      "CalculatedDicomSlice1CenterY": -31.128170013427734,
      "CalculatedDicomSlice1CenterZ": -78.67707824707031,
      "CalculatedDicomSliceNCenterX": -1.11236572265625,
      "CalculatedDicomSliceNCenterY": 12.897351264953613,
      "CalculatedDicomSliceNCenterZ": 40.98078155517578,
      "CoordinateSystem": 1,
      "DataStorageFormat": 2,
      "DataType": 2,
      "DicomColDirX": 0,
      "DicomColDirY": 0.938493013381958,
      "DicomColDirZ": -0.3452982008457184,
      "DicomFoVCols": 210,
      "DicomFoVRows": 210,
      "DicomGapThickness": 0,
      "DicomNCols": 84,
      "DicomNRows": 84,
      "DicomPosInfoPresent": 1,
      "DicomRowDirX": 1,
      "DicomRowDirY": 0,
      "DicomRowDirZ": 0,
      "DicomSliceThickness": 2.5,
      "DocumentType": "FMR",
      "MultiBandSequence": true,
      "NrOfPastSpatialTransformations": 0,
      "NrOfPreprocessingSteps": 0,
      "NrOfSkippedVolumes": 0,
      "Protocol": {
        "Conditions": [
          {
            "ColorB": 255,
            "ColorG": 0,
            "ColorR": 255,
            "IntervalsFrom": [
              49,
              113,
              177,
              241,
              305
            ],
            "IntervalsTo": [
              64,
              128,
              192,
              256,
              320
            ],
            "Name": "Face",
            "NrOfIntervals": 5
          },
          {
            "ColorB": 0,
            "ColorG": 168,
            "ColorR": 0,
            "IntervalsFrom": [
              17,
              81,
              145,
              209,
              273
            ],
            "IntervalsTo": [
              32,
              96,
              160,
              224,
              288
            ],
            "Name": "Hand",
            "NrOfIntervals": 5
          },
          {
            "ColorB": 0,
            "ColorG": 0,
            "ColorR": 255,
            "IntervalsFrom": [
              25,
              80,
              128,
              177,
              217,
              273,
              330
            ],
            "IntervalsTo": [
              25,
              80,
              128,
              177,
              217,
              273,
              330
            ],
            "Name": "Swallow",
            "NrOfIntervals": 7
          }
        ],
        "FileName": "sub-21_ses-01_2Swallow_run-1.prt",
        "Name": "newbi4fmri_VAR4_Motion",
        "NrOfConditions": 3,
        "TimeCourseColors": {
          "RefTCPenThick": 3,
          "RefTimeCourseB": 80,
          "RefTimeCourseG": 0,
          "RefTimeCourseR": 0,
          "TCBackColorB": 0,
          "TCBackColorG": 0,
          "TCBackColorR": 0,
          "TCPenThick": 3,
          "TCTextColorB": 255,
          "TCTextColorG": 255,
          "TCTextColorR": 255,
          "TimeCourseB": 255,
          "TimeCourseG": 255,
          "TimeCourseR": 255
        },
        "TimeResolution": "Volumes"
      },
      "SliceAcquisitionOrder": 5,
      "SliceAcquisitionOrderVerified": true,
      "SliceGap": 0,
      "SliceThickness": 2.5,
      "SliceTimingTable": [
        0,
        0.5275,
        0.075,
        0.6025,
        0.15,
        0.6775,
        0.225,
        0.7525,
        0.3,
        0.8275,
        0.3775,
        0.905,
        0.4525,
        0,
        0.5275,
        0.075,
        0.6025,
        0.15,
        0.6775,
        0.225,
        0.7525,
        0.3,
        0.8275,
        0.3775,
        0.905,
        0.4525,
        0,
        0.5275,
        0.075,
        0.6025,
        0.15,
        0.6775,
        0.225,
        0.7525,
        0.3,
        0.8275,
        0.3775,
        0.905,
        0.4525,
        0,
        0.5275,
        0.075,
        0.6025,
        0.15,
        0.6775,
        0.225,
        0.7525,
        0.3,
        0.8275,
        0.3775,
        0.905,
        0.4525
      ],
      "SliceTimingTableSize": 52,
      "TE": 0.028,
      "TR": 1,
      "TimeResolutionVerified": true,
      "Version": 1,
      "VoxelResolutionVerified": true
    },
    "ConversionSoftware": "BrainVoyager",
    "ConversionSoftwareVersion": "21.4.5.4030",
    "ImageNumber": 1,
    "ImageOrientationPatientDICOM": [
      1,
      0,
      0,
      0,
      0.93849302299978,
      -0.3452981983456
    ],
    "ImagePositionPatientDICOM": [
      -839.86235119402,
      -818.28915640966,
      210.94178299706
    ],
    "ImageType": "ORIGINAL PRIMARY M MB ND NORM MOSAIC",
    "MagneticFieldStrength": 3,
    "Manufacturer": "SIEMENS",
    "ManufacturersModelName": "Prisma_fit",
    "Modality": "MR",
    "NrOfTemporalPositions": 0,
    "PatientPosition": "HFS",
    "RepetitionTime": 1,
    "SeriesDescription": "ep_mb4_2.5iso",
    "SeriesNumber": 8,
    "SiemensMosaicSliceAcqOrder": 3,
    "SiemensMosaicTE": 0.028,
    "SiemensMosaicTR": 1,
    "SliceThickness": 2.5,
    "SliceTiming": [
      0,
      0.5275,
      0.075,
      0.6025,
      0.15,
      0.6775,
      0.225,
      0.7525,
      0.3,
      0.8275,
      0.3775,
      0.905,
      0.4525,
      0,
      0.5275,
      0.075,
      0.6025,
      0.15,
      0.6775,
      0.225,
      0.7525,
      0.3,
      0.8275,
      0.3775,
      0.905,
      0.4525,
      0,
      0.5275,
      0.075,
      0.6025,
      0.15,
      0.6775,
      0.225,
      0.7525,
      0.3,
      0.8275,
      0.3775,
      0.905,
      0.4525,
      0,
      0.5275,
      0.075,
      0.6025,
      0.15,
      0.6775,
      0.225,
      0.7525,
      0.3,
      0.8275,
      0.3775,
      0.905,
      0.4525
    ],
    "StudyDescription": "newbi4fmri_VAR4_Motion",
    "TaskName": "newbi4fmri_VAR4_Motion",
    "dataset": "ds003441",
    "modality": "bold",
    "run_id": 1,
    "session_id": "01",
    "subject_id": "21",
    "task_id": "2Swallow"
  },
  "dummy_trs": 1,
  "dvars_nstd": 26.413061994230763,
  "dvars_std": 1.1587157246153839,
  "dvars_vstd": 0.9664375757396455,
  "efc": 0.5111172862344759,
  "fber": 3763.593994140625,
  "fd_mean": 0.12493411035433344,
  "fd_num": 34,
  "fd_perc": 10.029498525073747,
  "fwhm_avg": 1.9212707923201364,
  "fwhm_x": 1.8110959999999998,
  "fwhm_y": 2.0035681910751526,
  "fwhm_z": 1.9491481858852564,
  "gcor": 0.0137355,
  "gsr_x": -0.012926544062793255,
  "gsr_y": 0.01788725145161152,
  "provenance": {
    "md5sum": "0d7817069407dd8c853b313b8632cdb7",
    "settings": {
      "fd_thres": 0.2,
      "testing": false
    },
    "software": "mriqc",
    "version": "22.0.6",
    "webapi_port": null,
    "webapi_url": "https://mriqc.nimh.nih.gov/api/v1"
  },
  "size_t": 339,
  "size_x": 84,
  "size_y": 84,
  "size_z": 52,
  "snr": 5.6333327065762555,
  "spacing_tr": 1.0,
  "spacing_x": 2.5,
  "spacing_y": 2.499999761581421,
  "spacing_z": 2.499999761581421,
  "summary_bg_k": 41.04549895702568,
  "summary_bg_mad": 42.52077757365665,
  "summary_bg_mean": 150.87681579589844,
  "summary_bg_median": 64.9717025756836,
  "summary_bg_n": 231593.0,
  "summary_bg_p05": 30.32555046081543,
  "summary_bg_p95": 525.7518798828121,
  "summary_bg_stdv": 261.6898498535156,
  "summary_fg_k": 4.241167909132396,
  "summary_fg_mad": 655.9877761246524,
  "summary_fg_mean": 4150.41748046875,
  "summary_fg_median": 4060.437744140625,
  "summary_fg_n": 74687.0,
  "summary_fg_p05": 3198.4361572265625,
  "summary_fg_p95": 5375.675048828125,
  "summary_fg_stdv": 720.7830200195312,
  "tsnr": 54.72710037231445
}