{
  "aor": 0.00024816816816816814,
  "aqi": 0.00690499012012012,
  "bids_meta": {
    "AcquisitionNumber": 1,
    "AcquisitionTime": "14:23:32.335000",
    "BrainVoyagerInfo": {
      "AcquisitionTime": "142332.335000",
      "CalculatedDicomSlice1CenterX": -1.11236572265625,
      "CalculatedDicomSlice1CenterY": -49.00783157348633,
      "CalculatedDicomSlice1CenterZ": -96.77153015136719,
      "CalculatedDicomSliceNCenterX": -1.11236572265625,
      "CalculatedDicomSliceNCenterY": 21.549592971801758,
      "CalculatedDicomSliceNCenterZ": 9.425928115844727,
      "CoordinateSystem": 1,
      "DataStorageFormat": 2,
      "DataType": 2,
      "DicomColDirX": 0,
      "DicomColDirY": 0.8329212665557861,
      "DicomColDirZ": -0.5533915758132935,
      "DicomFoVCols": 210,
      "DicomFoVRows": 210,
      "DicomGapThickness": 0,
      "DicomNCols": 84,
      "DicomNRows": 84,
      "DicomPosInfoPresent": 1,
      "DicomRowDirX": 1,
      "DicomRowDirY": 0,
      "DicomRowDirZ": 0,
      "DicomSliceThickness": 2.5,
      "DocumentType": "FMR",
      "MultiBandSequence": true,
      "NrOfPastSpatialTransformations": 0,
      "NrOfPreprocessingSteps": 0,
      "NrOfSkippedVolumes": 0,
      "Protocol": {
        "Conditions": [
          {
            "ColorB": 255,
            "ColorG": 0,
            "ColorR": 255,
            "IntervalsFrom": [
              49,
              113,
              177,
              241,
              305
            ],
            "IntervalsTo": [
              64,
              128,
              192,
              256,
              320
            ],
            "Name": "Face",
            "NrOfIntervals": 5
          },
          {
            "ColorB": 0,
            "ColorG": 168,
            "ColorR": 0,
            "IntervalsFrom": [
              17,
              81,
              145,
              209,
              273
            ],
            "IntervalsTo": [
              32,
              96,
              160,
              224,
              288
            ],
            "Name": "Hand",
            "NrOfIntervals": 5
          }
        ],
        "FileName": "sub-22_ses-01_6DeepBreathing_run-1.prt",
        "Name": "newbi4fmri_VAR4_Motion",
        "NrOfConditions": 2,
        "TimeCourseColors": {
          "RefTCPenThick": 3,
          "RefTimeCourseB": 80,
          "RefTimeCourseG": 0,
          "RefTimeCourseR": 0,
          "TCBackColorB": 0,
          "TCBackColorG": 0,
          "TCBackColorR": 0,
          "TCPenThick": 3,
          "TCTextColorB": 255,
          "TCTextColorG": 255,
          "TCTextColorR": 255,
          "TimeCourseB": 255,
          "TimeCourseG": 255,
          "TimeCourseR": 255
        },
        "TimeResolution": "Volumes"
      },
      "SliceAcquisitionOrder": 5,
      "SliceAcquisitionOrderVerified": true,
      "SliceGap": 0,
      "SliceThickness": 2.5,
      "SliceTimingTable": [
        0,
        0.5275,
        0.075,
        0.605,
        0.1525,
        0.68,
        0.2275,
        0.755,
        0.3025,
        0.83,
        0.3775,
        0.905,
        0.4525,
        0,
        0.5275,
        0.075,
        0.605,
        0.1525,
        0.68,
        0.2275,
        0.755,
        0.3025,
        0.83,
        0.3775,
        0.905,
        0.4525,
        0,
        0.5275,
        0.075,
        0.605,
        0.1525,
        0.68,
        0.2275,
        0.755,
        0.3025,
        0.83,
        0.3775,
        0.905,
        0.4525,
        0,
        0.5275,
        0.075,
        0.605,
        0.1525,
        0.68,
        0.2275,
        0.755,
        0.3025,
        0.83,
        0.3775,
        0.905,
        0.4525
      ],
      "SliceTimingTableSize": 52,
      "TE": 0.028,
      "TR": 1,
      "TimeResolutionVerified": true,
      "Version": 1,
      "VoxelResolutionVerified": true
    },
    "ConversionSoftware": "BrainVoyager",
    "ConversionSoftwareVersion": "21.4.5.4030",
    "ImageNumber": 1,
    "ImageOrientationPatientDICOM": [
      1,
      0,
      0,
      0,
      0.83292123773841,
      -0.5533915537161
    ],
    "ImagePositionPatientDICOM": [
      -839.86235119402,
      -747.62057172541,
      367.38565591498
    ],
    "ImageType": "ORIGINAL PRIMARY M MB ND NORM MOSAIC",
    "MagneticFieldStrength": 3,
    "Manufacturer": "SIEMENS",
    "ManufacturersModelName": "Prisma_fit",
    "Modality": "MR",
    "NrOfTemporalPositions": 0,
    "PatientPosition": "HFS",
    "RepetitionTime": 1,
    "SeriesDescription": "ep_mb4_2.5iso_deepbreathing",
    "SeriesNumber": 17,
    "SiemensMosaicSliceAcqOrder": 3,
    "SiemensMosaicTE": 0.028,
    "SiemensMosaicTR": 1,
    "SliceThickness": 2.5,
    "SliceTiming": [
      0,
      0.5275,
      0.075,
      0.605,
      0.1525,
      0.68,
      0.2275,
      0.755,
      0.3025,
      0.83,
      0.3775,
      0.905,
      0.4525,
      0,
      0.5275,
      0.075,
      0.605,
      0.1525,
      0.68,
      0.2275,
      0.755,
      0.3025,
      0.83,
      0.3775,
      0.905,
      0.4525,
      0,
      0.5275,
      0.075,
      0.605,
      0.1525,
      0.68,
      0.2275,
      0.755,
      0.3025,
      0.83,
      0.3775,
      0.905,
      0.4525,
      0,
      0.5275,
      0.075,
      0.605,
      0.1525,
      0.68,
      0.2275,
      0.755,
      0.3025,
      0.83,
      0.3775,
      0.905,
      0.4525
    ],
    "StudyDescription": "newbi4fmri_VAR4_Motion",
    "TaskName": "newbi4fmri_VAR4_Motion",
    "dataset": "ds003441",
    "modality": "bold",
    "run_id": 1,
    "session_id": "01",
    "subject_id": "22",
    "task_id": "6DeepBreathing"
  },
  "dummy_trs": 3,
  "dvars_nstd": 30.309470906144572,
  "dvars_std": 1.200899684819277,
  "dvars_vstd": 0.9946360147891558,
  "efc": 0.4947039943381755,
  "fber": 2840.134033203125,
  "fd_mean": 0.11389898189930495,
  "fd_num": 38,
  "fd_perc": 11.411411411411411,
  "fwhm_avg": 2.00738,
  "fwhm_x": 1.898152,
  "fwhm_y": 2.12488,
  "fwhm_z": 1.999108,
  "gcor": 0.0776795,
  "gsr_x": -0.007187610026448965,
  "gsr_y": 0.015995556488633156,
  "provenance": {
    "md5sum": "16c31f929d85da74e20511783a208ee0",
    "settings": {
      "fd_thres": 0.2,
      "testing": false
    },
    "software": "mriqc",
    "version": "22.0.6",
    "webapi_port": null,
    "webapi_url": "https://mriqc.nimh.nih.gov/api/v1"
  },
  "size_t": 333,
  "size_x": 84,
  "size_y": 84,
  "size_z": 52,
  "snr": 5.5970474954444605,
  "spacing_tr": 1.0,
  "spacing_x": 2.5,
  "spacing_y": 2.5,
  "spacing_z": 2.5,
  "summary_bg_k": 34.00254576203901,
  "summary_bg_mad": 32.63423281004596,
  "summary_bg_mean": 129.81004333496094,
  "summary_bg_median": 54.623077392578125,
  "summary_bg_n": 243694.0,
  "summary_bg_p05": 25.749544525146487,
  "summary_bg_p95": 458.03515930175723,
  "summary_bg_stdv": 237.66477966308594,
  "summary_fg_k": 4.65071961135242,
  "summary_fg_mad": 457.4131893372874,
  "summary_fg_mean": 3025.2861328125,
  "summary_fg_median": 2954.443359375,
  "summary_fg_n": 64663.0,
  "summary_fg_p05": 2354.9628662109376,
  "summary_fg_p95": 3906.780004882812,
  "summary_fg_stdv": 527.8533935546875,
  "tsnr": 57.337623596191406
}